{
	"Modality": "MR",
	"MagneticFieldStrength": 3,
	"ImagingFrequency": 127.76109,
	"Manufacturer": "Philips",
	"ManufacturersModelName": "Achieva",
	"InstitutionName": "Tsinghua University",
	"InstitutionalDepartmentName": "Center for Biomedical Imaging Research",
	"DeviceSerialNumber": "38092",
	"StationName": "PHILIPS-RTEC3L4",
	"PatientPosition": "HFS",
	"ProcedureStepDescription": "DBS 3.0T 20180104",
	"SoftwareVersions": "3.2.7\\3.2.7.1",
	"MRAcquisitionType": "3D",
	"StudyDescription": "DBS 3.0T 20180104",
	"SeriesDescription": "SWP+QSM",
	"ProtocolName": "WIP SWP+QSM SENSE",
	"ScanningSequence": "GR",
	"SequenceVariant": "SP",
	"ScanOptions": "FC",
	"PulseSequenceName": "T1FFE",
	"ImageType": ["ORIGINAL", "PRIMARY", "SW", "M", "FFE", "SW", "M", "FFE", "MAGNITUDE"],
	"SeriesNumber": 1001,
	"AcquisitionTime": "09:32:48.500000",
	"AcquisitionNumber": 10,
	"PhilipsRescaleSlope": 10.2254,
	"PhilipsRescaleIntercept": 0,
	"PhilipsScaleSlope": 0.00114004,
	"UsePhilipsFloatNotDisplayScaling": 1,
	"SliceThickness": 1.5,
	"SpacingBetweenSlices": 0.75,
	"SAR": 0.00867587,
	"TablePosition": [
		0,
		0,
		-0.2	],
	"RepetitionTime": 0.0302869,
	"MTState": false,
	"SpoilingState": true,
	"SpoilingType": "COMBINED",
	"FlipAngle": 12,
	"CoilString": "MULTI COIL",
	"PercentPhaseFOV": 81.8182,
	"PercentSampling": 77.9165,
	"EchoTrainLength": 5,
	"PhaseEncodingSteps": 306,
	"FrequencyEncodingSteps": 308,
	"PhaseEncodingStepsOutOfPlane": 86,
	"AcquisitionMatrixPE": 306,
	"ReconMatrixPE": 512,
	"ParallelReductionFactorInPlane": 2,
	"ParallelAcquisitionTechnique": "SENSE",
	"ParallelReductionFactorOutOfPlane": 1.5,
	"WaterFatShift": 1.51375,
	"EstimatedEffectiveEchoSpacing": 5.68297e-06,
	"EstimatedTotalReadoutTime": 0.002904,
	"AcquisitionDuration": 236.086,
	"PixelBandwidth": 287,
	"ImageOrientationPatientDICOM": [
		0.99604,
		0.0741173,
		0.0491115,
		-0.050246,
		0.924925,
		-0.376815	],
	"InPlanePhaseEncodingDirectionDICOM": "ROW",
	"BidsGuess": ["fmap","_acq-SPGRT1FFEp20_run-1001_magnitude1"],
	"ConversionSoftware": "dcm2niix",
	"ConversionSoftwareVersion": "v1.0.20241211"
}
