{
	"Modality": "MR",
	"MagneticFieldStrength": 3,
	"ImagingFrequency": 127.737895,
	"Manufacturer": "Philips",
	"ManufacturersModelName": "Achieva",
	"InstitutionName": "Tsinghua University",
	"InstitutionalDepartmentName": "Center for Biomedical Imaging Research",
	"DeviceSerialNumber": "38092",
	"StationName": "PHILIPS-RTEC3L4",
	"PatientPosition": "HFS",
	"ProcedureStepDescription": "DBS-3.0T",
	"SoftwareVersions": "3.2.7\\3.2.7.1",
	"MRAcquisitionType": "2D",
	"StudyDescription": "DBS-3.0T",
	"SeriesDescription": "T2W_TSE  70SLICE",
	"ProtocolName": "WIP T2W_TSE  70SLICE CLEAR",
	"ScanningSequence": "SE",
	"SequenceVariant": "SK",
	"ScanOptions": "FS",
	"PulseSequenceName": "TSE",
	"ImageType": ["ORIGINAL", "PRIMARY", "M", "SE", "M", "SE", "MAGNITUDE"],
	"SeriesNumber": 401,
	"AcquisitionTime": "10:45:51.240000",
	"AcquisitionNumber": 4,
	"PhilipsRescaleSlope": 5.92601,
	"PhilipsRescaleIntercept": 0,
	"PhilipsScaleSlope": 0.028618,
	"UsePhilipsFloatNotDisplayScaling": 1,
	"SliceThickness": 2,
	"SpacingBetweenSlices": 2,
	"SAR": 1.31162,
	"TablePosition": [
		0,
		0,
		41.4	],
	"EchoTime": 0.09,
	"RepetitionTime": 5.40908,
	"MTState": false,
	"FlipAngle": 90,
	"CoilString": "MULTI COIL",
	"PercentPhaseFOV": 100,
	"PercentSampling": 99.3056,
	"EchoTrainLength": 17,
	"PhaseEncodingSteps": 272,
	"FrequencyEncodingSteps": 288,
	"PhaseEncodingStepsOutOfPlane": 1,
	"AcquisitionMatrixPE": 272,
	"ReconMatrixPE": 512,
	"WaterFatShift": 1.97272,
	"EstimatedEffectiveEchoSpacing": 8.39502e-06,
	"EstimatedTotalReadoutTime": 0.00428986,
	"AcquisitionDuration": 367.817,
	"PixelBandwidth": 220,
	"PhaseEncodingAxis": "i",
	"ImageOrientationPatientDICOM": [
		0.995899,
		-0.0101534,
		-0.0898988,
		0.0101183,
		0.999948,
		-0.000846691	],
	"InPlanePhaseEncodingDirectionDICOM": "ROW",
	"BidsGuess": ["anat","_acq-SKSETSE_run-401_T2w"],
	"ConversionSoftware": "dcm2niix",
	"ConversionSoftwareVersion": "v1.0.20241211"
}
