{
	"Modality": "MR",
	"MagneticFieldStrength": 3,
	"ImagingFrequency": 127.738337,
	"Manufacturer": "Philips",
	"ManufacturersModelName": "Achieva",
	"InstitutionName": "Tsinghua University",
	"InstitutionalDepartmentName": "Center for Biomedical Imaging Research",
	"DeviceSerialNumber": "38092",
	"StationName": "PHILIPS-RTEC3L4",
	"PatientPosition": "HFS",
	"ProcedureStepDescription": "DBS-3.0T",
	"SoftwareVersions": "3.2.7\\3.2.7.1",
	"MRAcquisitionType": "3D",
	"StudyDescription": "DBS-3.0T",
	"SeriesDescription": "SWP+QSM",
	"ProtocolName": "WIP SWP+QSM SENSE",
	"ScanningSequence": "GR",
	"SequenceVariant": "SP",
	"ScanOptions": "FC",
	"PulseSequenceName": "T1FFE",
	"ImageType": ["ORIGINAL", "PRIMARY", "SW", "M", "FFE", "SW", "M", "FFE", "MAGNITUDE"],
	"SeriesNumber": 701,
	"AcquisitionTime": "10:39:8.680000",
	"AcquisitionNumber": 7,
	"PhilipsRescaleSlope": 9.89646,
	"PhilipsRescaleIntercept": 0,
	"PhilipsScaleSlope": 0.0011565,
	"UsePhilipsFloatNotDisplayScaling": 1,
	"SliceThickness": 1.5,
	"SpacingBetweenSlices": 0.75,
	"SAR": 0.109212,
	"TablePosition": [
		0,
		0,
		17.3	],
	"RepetitionTime": 0.0301983,
	"MTState": false,
	"SpoilingState": true,
	"SpoilingType": "COMBINED",
	"FlipAngle": 12,
	"CoilString": "MULTI COIL",
	"PercentPhaseFOV": 81.8182,
	"PercentSampling": 77.9165,
	"EchoTrainLength": 5,
	"PhaseEncodingSteps": 306,
	"FrequencyEncodingSteps": 308,
	"PhaseEncodingStepsOutOfPlane": 86,
	"AcquisitionMatrixPE": 306,
	"ReconMatrixPE": 512,
	"ParallelReductionFactorInPlane": 2,
	"ParallelAcquisitionTechnique": "SENSE",
	"ParallelReductionFactorOutOfPlane": 1.5,
	"WaterFatShift": 1.51349,
	"EstimatedEffectiveEchoSpacing": 5.68298e-06,
	"EstimatedTotalReadoutTime": 0.002904,
	"AcquisitionDuration": 235.396,
	"PixelBandwidth": 287,
	"ImageOrientationPatientDICOM": [
		0.996621,
		0.0602978,
		0.0557693,
		-0.0509894,
		0.98653,
		-0.155433	],
	"InPlanePhaseEncodingDirectionDICOM": "ROW",
	"BidsGuess": ["fmap","_acq-SPGRT1FFEp20_run-701_magnitude1"],
	"ConversionSoftware": "dcm2niix",
	"ConversionSoftwareVersion": "v1.0.20241211"
}
