{
	"Modality": "CT",
	"Manufacturer": "GE",
	"ManufacturersModelName": "Discovery CT750 HD",
	"InstitutionName": "Tsinghua Changgung HOSPITAL",
	"DeviceSerialNumber": "*",
	"StationName": "HDCT",
	"PatientPosition": "HFS",
	"SoftwareVersions": "sles_hde3.5",
	"SeriesDescription": "0.625mm",
	"ProtocolName": "1.3 Helical Head (FAST)",
	"ScanOptions": "HELICAL MODE",
	"ImageType": ["ORIGINAL", "PRIMARY", "AXIAL"],
	"SeriesNumber": 4,
	"AcquisitionTime": "16:34:22.285470",
	"AcquisitionNumber": 1,
	"ConvolutionKernel": "STANDARD",
	"ExposureTime": 0.6,
	"XRayTubeCurrent": 400,
	"XRayExposure": 3,
	"ImageOrientationPatientDICOM": [
		1,
		0,
		0,
		0,
		1,
		0	],
	"BidsGuess": ["CT","CT"],
	"ConversionSoftware": "dcm2niix",
	"ConversionSoftwareVersion": "v1.0.20241211"
}
