{
	"Modality": "MR",
	"MagneticFieldStrength": 3,
	"ImagingFrequency": 127.73911,
	"Manufacturer": "Philips",
	"ManufacturersModelName": "Achieva",
	"InstitutionName": "Tsinghua University",
	"InstitutionalDepartmentName": "Center for Biomedical Imaging Research",
	"DeviceSerialNumber": "38092",
	"StationName": "PHILIPS-RTEC3L4",
	"PatientPosition": "HFS",
	"ProcedureStepDescription": "DBS 3.0T",
	"SoftwareVersions": "3.2.7\\3.2.7.1",
	"MRAcquisitionType": "2D",
	"StudyDescription": "DBS 3.0T",
	"SeriesDescription": "T2W_TSE  70SLICE",
	"ProtocolName": "WIP T2W_TSE  70SLICE CLEAR",
	"ScanningSequence": "SE",
	"SequenceVariant": "SK",
	"ScanOptions": "FS",
	"PulseSequenceName": "TSE",
	"ImageType": ["ORIGINAL", "PRIMARY", "M", "SE", "M", "SE", "MAGNITUDE"],
	"SeriesNumber": 1401,
	"AcquisitionTime": "12:45:55.810000",
	"AcquisitionNumber": 14,
	"PhilipsRescaleSlope": 12.2579,
	"PhilipsRescaleIntercept": 0,
	"PhilipsScaleSlope": 0.0281985,
	"UsePhilipsFloatNotDisplayScaling": 1,
	"SliceThickness": 2,
	"SpacingBetweenSlices": 2,
	"SAR": 0.218163,
	"TablePosition": [
		0,
		0,
		-12.1	],
	"EchoTime": 0.09,
	"RepetitionTime": 1.73019,
	"MTState": false,
	"FlipAngle": 90,
	"CoilString": "MULTI COIL",
	"PercentPhaseFOV": 100,
	"PercentSampling": 99.3056,
	"EchoTrainLength": 17,
	"PartialFourierDirection": "FREQUENCY",
	"PhaseEncodingSteps": 272,
	"FrequencyEncodingSteps": 288,
	"PhaseEncodingStepsOutOfPlane": 1,
	"AcquisitionMatrixPE": 272,
	"ReconMatrixPE": 512,
	"WaterFatShift": 1.97274,
	"EstimatedEffectiveEchoSpacing": 8.39502e-06,
	"EstimatedTotalReadoutTime": 0.00428985,
	"AcquisitionDuration": 117.653,
	"PixelBandwidth": 220,
	"PhaseEncodingAxis": "i",
	"ImageOrientationPatientDICOM": [
		0.999297,
		0.00917424,
		0.0363553,
		0.037495,
		-0.244507,
		-0.968922	],
	"InPlanePhaseEncodingDirectionDICOM": "ROW",
	"BidsGuess": ["anat","_acq-SKSETSE_run-1401_T2w"],
	"ConversionSoftware": "dcm2niix",
	"ConversionSoftwareVersion": "v1.0.20241211"
}
