{
	"Modality": "MR",
	"MagneticFieldStrength": 3,
	"ImagingFrequency": 127.739695,
	"Manufacturer": "Philips",
	"ManufacturersModelName": "Achieva",
	"InstitutionName": "Tsinghua University",
	"InstitutionalDepartmentName": "Center for Biomedical Imaging Research",
	"DeviceSerialNumber": "38092",
	"StationName": "PHILIPS-RTEC3L4",
	"PatientPosition": "HFS",
	"ProcedureStepDescription": "DBS",
	"SoftwareVersions": "3.2.7\\3.2.7.1",
	"MRAcquisitionType": "3D",
	"StudyDescription": "DBS",
	"SeriesDescription": "T2WI 3D FLAIR 1MM",
	"ProtocolName": "T2WI 3D FLAIR 1MM SENSE",
	"ScanningSequence": "IR",
	"SequenceVariant": "SK",
	"ScanOptions": "FS",
	"PulseSequenceName": "TIR",
	"ImageType": ["ORIGINAL", "PRIMARY", "M", "IR", "M", "IR", "MAGNITUDE"],
	"SeriesNumber": 201,
	"AcquisitionTime": "12:16:52.640000",
	"AcquisitionNumber": 2,
	"PhilipsRescaleSlope": 18.4962,
	"PhilipsRescaleIntercept": 0,
	"PhilipsScaleSlope": 0.000249763,
	"UsePhilipsFloatNotDisplayScaling": 1,
	"SliceThickness": 1.5,
	"SpacingBetweenSlices": 1.5,
	"SAR": 0.0317511,
	"TablePosition": [
		0,
		0,
		-0	],
	"EchoTime": 0.322724,
	"RepetitionTime": 5,
	"MTState": false,
	"InversionTime": 1.65,
	"FlipAngle": 90,
	"CoilString": "MULTI COIL",
	"PercentPhaseFOV": 115.873,
	"PercentSampling": 78.0019,
	"EchoTrainLength": 182,
	"PhaseEncodingSteps": 291,
	"FrequencyEncodingSteps": 292,
	"PhaseEncodingStepsOutOfPlane": 120,
	"AcquisitionMatrixPE": 291,
	"ReconMatrixPE": 384,
	"ParallelReductionFactorInPlane": 1.4,
	"ParallelAcquisitionTechnique": "SENSE",
	"ParallelReductionFactorOutOfPlane": 1.4,
	"WaterFatShift": 0.425282,
	"EstimatedEffectiveEchoSpacing": 2.54269e-06,
	"EstimatedTotalReadoutTime": 0.00097385,
	"AcquisitionDuration": 390,
	"PixelBandwidth": 1021,
	"ImageOrientationPatientDICOM": [
		0.996576,
		-0.0403785,
		0.0721473,
		0.0727489,
		0.0136314,
		-0.997257	],
	"InPlanePhaseEncodingDirectionDICOM": "ROW",
	"BidsGuess": ["anat","_acq-SKIRTIRp14_run-201_FLAIR"],
	"ConversionSoftware": "dcm2niix",
	"ConversionSoftwareVersion": "v1.0.20241211"
}
