{
	"Modality": "MR",
	"MagneticFieldStrength": 3,
	"ImagingFrequency": 127.763303,
	"Manufacturer": "Philips",
	"ManufacturersModelName": "Achieva",
	"InstitutionName": "Tsinghua University",
	"InstitutionalDepartmentName": "Center for Biomedical Imaging Research",
	"DeviceSerialNumber": "38092",
	"StationName": "PHILIPS-RTEC3L4",
	"PatientPosition": "HFS",
	"ProcedureStepDescription": "DBS3.0T",
	"SoftwareVersions": "3.2.7\\3.2.7.1",
	"MRAcquisitionType": "3D",
	"StudyDescription": "DBS3.0T",
	"SeriesDescription": "T2WI 3D FLAIR 1MM",
	"ProtocolName": "WIP T2WI 3D FLAIR 1MM SENSE",
	"ScanningSequence": "IR",
	"SequenceVariant": "SK",
	"ScanOptions": "FS",
	"PulseSequenceName": "TIR",
	"ImageType": ["ORIGINAL", "PRIMARY", "M", "IR", "M", "IR", "MAGNITUDE"],
	"SeriesNumber": 301,
	"AcquisitionTime": "10:17:55.870000",
	"AcquisitionNumber": 3,
	"PhilipsRescaleSlope": 14.7414,
	"PhilipsRescaleIntercept": 0,
	"PhilipsScaleSlope": 0.00025442,
	"UsePhilipsFloatNotDisplayScaling": 1,
	"SliceThickness": 1.5,
	"SpacingBetweenSlices": 1.5,
	"SAR": 0.398526,
	"TablePosition": [
		0,
		0,
		33.1	],
	"EchoTime": 0.346129,
	"RepetitionTime": 5,
	"MTState": false,
	"InversionTime": 1.65,
	"FlipAngle": 90,
	"CoilString": "MULTI COIL",
	"PercentPhaseFOV": 115.873,
	"PercentSampling": 78.0019,
	"EchoTrainLength": 182,
	"PhaseEncodingSteps": 291,
	"FrequencyEncodingSteps": 292,
	"PhaseEncodingStepsOutOfPlane": 120,
	"AcquisitionMatrixPE": 291,
	"ReconMatrixPE": 384,
	"ParallelReductionFactorInPlane": 1.4,
	"ParallelAcquisitionTechnique": "SENSE",
	"ParallelReductionFactorOutOfPlane": 1.4,
	"WaterFatShift": 0.437871,
	"EstimatedEffectiveEchoSpacing": 2.61747e-06,
	"EstimatedTotalReadoutTime": 0.00100249,
	"AcquisitionDuration": 390,
	"PixelBandwidth": 992,
	"ImageOrientationPatientDICOM": [
		0.0508666,
		0.990623,
		-0.126802,
		0.0330439,
		-0.128566,
		-0.99115	],
	"InPlanePhaseEncodingDirectionDICOM": "ROW",
	"BidsGuess": ["anat","_acq-SKIRTIRp14_run-301_FLAIR"],
	"ConversionSoftware": "dcm2niix",
	"ConversionSoftwareVersion": "v1.0.20241211"
}
