{
	"Modality": "MR",
	"MagneticFieldStrength": 3,
	"ImagingFrequency": 127.73897,
	"Manufacturer": "Philips",
	"ManufacturersModelName": "Achieva",
	"InstitutionName": "Tsinghua University",
	"InstitutionalDepartmentName": "Center for Biomedical Imaging Research",
	"DeviceSerialNumber": "38092",
	"StationName": "PHILIPS-RTEC3L4",
	"PatientPosition": "HFS",
	"ProcedureStepDescription": "DBS-3.0T",
	"SoftwareVersions": "3.2.7\\3.2.7.1",
	"MRAcquisitionType": "3D",
	"StudyDescription": "DBS-3.0T",
	"SeriesDescription": "T2WI 3D FLAIR 1MM",
	"ProtocolName": "WIP T2WI 3D FLAIR 1MM SENSE",
	"ScanningSequence": "IR",
	"SequenceVariant": "SK",
	"ScanOptions": "FS",
	"PulseSequenceName": "TIR",
	"ImageType": ["ORIGINAL", "PRIMARY", "M", "IR", "M", "IR", "MAGNITUDE"],
	"SeriesNumber": 301,
	"AcquisitionTime": "10:46:13.850000",
	"AcquisitionNumber": 3,
	"PhilipsRescaleSlope": 15.4894,
	"PhilipsRescaleIntercept": 0,
	"PhilipsScaleSlope": 0.000264089,
	"UsePhilipsFloatNotDisplayScaling": 1,
	"SliceThickness": 1.5,
	"SpacingBetweenSlices": 1.5,
	"SAR": 0.0317518,
	"TablePosition": [
		0,
		0,
		-0.4	],
	"EchoTime": 0.350825,
	"RepetitionTime": 5,
	"MTState": false,
	"InversionTime": 1.65,
	"FlipAngle": 90,
	"CoilString": "MULTI COIL",
	"PercentPhaseFOV": 115.873,
	"PercentSampling": 78.0019,
	"EchoTrainLength": 182,
	"PhaseEncodingSteps": 291,
	"FrequencyEncodingSteps": 292,
	"PhaseEncodingStepsOutOfPlane": 120,
	"AcquisitionMatrixPE": 291,
	"ReconMatrixPE": 384,
	"ParallelReductionFactorInPlane": 1.4,
	"ParallelAcquisitionTechnique": "SENSE",
	"ParallelReductionFactorOutOfPlane": 1.4,
	"WaterFatShift": 0.462803,
	"EstimatedEffectiveEchoSpacing": 2.76704e-06,
	"EstimatedTotalReadoutTime": 0.00105978,
	"AcquisitionDuration": 390,
	"PixelBandwidth": 938,
	"ImageOrientationPatientDICOM": [
		-0.0566956,
		0.974644,
		-0.216459,
		0.0864634,
		-0.2112,
		-0.973611	],
	"InPlanePhaseEncodingDirectionDICOM": "ROW",
	"BidsGuess": ["anat","_acq-SKIRTIRp14_run-301_FLAIR"],
	"ConversionSoftware": "dcm2niix",
	"ConversionSoftwareVersion": "v1.0.20241211"
}
