{
	"Modality": "MR",
	"MagneticFieldStrength": 3,
	"ImagingFrequency": 127.762867,
	"Manufacturer": "Philips",
	"ManufacturersModelName": "Achieva",
	"InstitutionName": "Tsinghua University",
	"InstitutionalDepartmentName": "Center for Biomedical Imaging Research",
	"DeviceSerialNumber": "38092",
	"StationName": "PHILIPS-RTEC3L4",
	"PatientPosition": "HFS",
	"SoftwareVersions": "3.2.7\\3.2.7.1",
	"MRAcquisitionType": "3D",
	"SeriesDescription": "SNAP_cros_1mm 155",
	"ProtocolName": "WIP SNAP_cros_1mm 155 CLEAR",
	"ScanningSequence": "GR",
	"SequenceVariant": "MP",
	"ScanOptions": "FC",
	"PulseSequenceName": "T1TFE",
	"ImageType": ["ORIGINAL", "PRIMARY", "M", "FFE", "M", "FFE", "MAGNITUDE"],
	"SeriesNumber": 401,
	"AcquisitionTime": "09:05:36.560000",
	"AcquisitionNumber": 4,
	"PhilipsRescaleSlope": 12.5443,
	"PhilipsRescaleIntercept": 0,
	"PhilipsScaleSlope": 0.00218043,
	"UsePhilipsFloatNotDisplayScaling": 1,
	"SliceThickness": 0.8,
	"SpacingBetweenSlices": 0.4,
	"SAR": 0.496576,
	"TablePosition": [
		0,
		0,
		23	],
	"EchoTime": 0.005626,
	"RepetitionTime": 0.010001,
	"MTState": false,
	"SpoilingState": true,
	"SpoilingType": "COMBINED",
	"FlipAngle": 11,
	"CoilString": "MULTI COIL",
	"PercentPhaseFOV": 100,
	"PercentSampling": 78.5398,
	"EchoTrainLength": 98,
	"PhaseEncodingSteps": 200,
	"FrequencyEncodingSteps": 200,
	"PhaseEncodingStepsOutOfPlane": 75,
	"AcquisitionMatrixPE": 200,
	"ReconMatrixPE": 400,
	"WaterFatShift": 1.36278,
	"EstimatedEffectiveEchoSpacing": 7.78324e-06,
	"EstimatedTotalReadoutTime": 0.00310551,
	"AcquisitionDuration": 307.632,
	"PixelBandwidth": 319,
	"ImageOrientationPatientDICOM": [
		0.995559,
		-0.0713887,
		0.0613717,
		0.0700155,
		0.997251,
		0.0242436	],
	"InPlanePhaseEncodingDirectionDICOM": "ROW",
	"BidsGuess": ["anat","_acq-MPGRT1TFE_run-401_T1w"],
	"ConversionSoftware": "dcm2niix",
	"ConversionSoftwareVersion": "v1.0.20241211"
}
