{
	"Modality": "MR",
	"MagneticFieldStrength": 3,
	"ImagingFrequency": 127.763012,
	"Manufacturer": "Philips",
	"ManufacturersModelName": "Achieva",
	"InstitutionName": "Tsinghua University",
	"InstitutionalDepartmentName": "Center for Biomedical Imaging Research",
	"DeviceSerialNumber": "38092",
	"StationName": "PHILIPS-RTEC3L4",
	"PatientPosition": "HFS",
	"SoftwareVersions": "3.2.7\\3.2.7.1",
	"MRAcquisitionType": "2D",
	"SeriesDescription": "T2W_TSE  70SLICE",
	"ProtocolName": "WIP T2W_TSE  70SLICE CLEAR",
	"ScanningSequence": "SE",
	"SequenceVariant": "SK",
	"ScanOptions": "FS",
	"PulseSequenceName": "TSE",
	"ImageType": ["ORIGINAL", "PRIMARY", "M", "SE", "M", "SE", "MAGNITUDE"],
	"SeriesNumber": 901,
	"AcquisitionTime": "13:00:27.370000",
	"AcquisitionNumber": 9,
	"PhilipsRescaleSlope": 9.62442,
	"PhilipsRescaleIntercept": 0,
	"PhilipsScaleSlope": 0.0273546,
	"UsePhilipsFloatNotDisplayScaling": 1,
	"SliceThickness": 2,
	"SpacingBetweenSlices": 2,
	"SAR": 0.218181,
	"TablePosition": [
		0,
		0,
		0.2	],
	"EchoTime": 0.09,
	"RepetitionTime": 2.30333,
	"MTState": false,
	"FlipAngle": 90,
	"CoilString": "MULTI COIL",
	"PercentPhaseFOV": 100,
	"PercentSampling": 99.3056,
	"EchoTrainLength": 17,
	"PhaseEncodingSteps": 272,
	"FrequencyEncodingSteps": 288,
	"PhaseEncodingStepsOutOfPlane": 1,
	"AcquisitionMatrixPE": 272,
	"ReconMatrixPE": 512,
	"WaterFatShift": 1.97311,
	"EstimatedEffectiveEchoSpacing": 8.39502e-06,
	"EstimatedTotalReadoutTime": 0.00428986,
	"AcquisitionDuration": 156.626,
	"PixelBandwidth": 220,
	"PhaseEncodingAxis": "i",
	"ImageOrientationPatientDICOM": [
		0.998708,
		-0.0508154,
		-9.10669e-05,
		0.00878963,
		0.174513,
		-0.984616	],
	"InPlanePhaseEncodingDirectionDICOM": "ROW",
	"BidsGuess": ["anat","_acq-SKSETSE_run-901_T2w"],
	"ConversionSoftware": "dcm2niix",
	"ConversionSoftwareVersion": "v1.0.20241211"
}
