{
	"Modality": "MR",
	"MagneticFieldStrength": 3,
	"ImagingFrequency": 127.762021,
	"Manufacturer": "Philips",
	"ManufacturersModelName": "Achieva",
	"InstitutionName": "Tsinghua University",
	"InstitutionalDepartmentName": "Center for Biomedical Imaging Research",
	"DeviceSerialNumber": "38092",
	"StationName": "PHILIPS-RTEC3L4",
	"PatientPosition": "HFS",
	"ProcedureStepDescription": "DBS-3.0T",
	"SoftwareVersions": "3.2.7\\3.2.7.1",
	"MRAcquisitionType": "3D",
	"StudyDescription": "DBS-3.0T",
	"SeriesDescription": "SNAP_cros_1mm 155",
	"ProtocolName": "WIP SNAP_cros_1mm 155 CLEAR",
	"ScanningSequence": "GR",
	"SequenceVariant": "MP",
	"ScanOptions": "FC",
	"PulseSequenceName": "T1TFE",
	"ImageType": ["ORIGINAL", "PRIMARY", "M", "FFE", "M", "FFE", "MAGNITUDE"],
	"SeriesNumber": 701,
	"AcquisitionTime": "12:11:19.120000",
	"AcquisitionNumber": 7,
	"PhilipsRescaleSlope": 12.4266,
	"PhilipsRescaleIntercept": 0,
	"PhilipsScaleSlope": 0.00212953,
	"UsePhilipsFloatNotDisplayScaling": 1,
	"SliceThickness": 0.8,
	"SpacingBetweenSlices": 0.4,
	"SAR": 0.0394903,
	"TablePosition": [
		0,
		0,
		-14	],
	"EchoTime": 0.005643,
	"RepetitionTime": 0.0100386,
	"MTState": false,
	"SpoilingState": true,
	"SpoilingType": "COMBINED",
	"FlipAngle": 11,
	"CoilString": "MULTI COIL",
	"PercentPhaseFOV": 100,
	"PercentSampling": 78.5398,
	"EchoTrainLength": 98,
	"PhaseEncodingSteps": 200,
	"FrequencyEncodingSteps": 200,
	"PhaseEncodingStepsOutOfPlane": 75,
	"AcquisitionMatrixPE": 200,
	"ReconMatrixPE": 400,
	"WaterFatShift": 1.36277,
	"EstimatedEffectiveEchoSpacing": 7.78324e-06,
	"EstimatedTotalReadoutTime": 0.00310551,
	"AcquisitionDuration": 307.205,
	"PixelBandwidth": 319,
	"ImageOrientationPatientDICOM": [
		0.998687,
		-0.0203758,
		0.0469957,
		0.0201473,
		0.999783,
		0.00533232	],
	"InPlanePhaseEncodingDirectionDICOM": "ROW",
	"BidsGuess": ["anat","_acq-MPGRT1TFE_run-701_T1w"],
	"ConversionSoftware": "dcm2niix",
	"ConversionSoftwareVersion": "v1.0.20241211"
}
