{
	"Modality": "MR",
	"MagneticFieldStrength": 3,
	"ImagingFrequency": 127.739025,
	"Manufacturer": "Philips",
	"ManufacturersModelName": "Achieva",
	"InstitutionName": "Tsinghua University",
	"InstitutionalDepartmentName": "Center for Biomedical Imaging Research",
	"DeviceSerialNumber": "38092",
	"StationName": "PHILIPS-RTEC3L4",
	"PatientPosition": "HFS",
	"ProcedureStepDescription": "DBS-3.0T",
	"SoftwareVersions": "3.2.7\\3.2.7.1",
	"MRAcquisitionType": "2D",
	"StudyDescription": "DBS-3.0T",
	"SeriesDescription": "FE_EPI-bold SENSE",
	"ProtocolName": "WIP FE_EPI-bold SENSE",
	"ScanningSequence": "GR",
	"SequenceVariant": "SK",
	"ScanOptions": "OTHER",
	"PulseSequenceName": "FEEPI",
	"ImageType": ["ORIGINAL", "PRIMARY", "M", "FFE", "M", "FFE", "MAGNITUDE"],
	"SeriesNumber": 301,
	"AcquisitionTime": "13:06:3.570000",
	"AcquisitionNumber": 3,
	"PhilipsRescaleSlope": 2.60317,
	"PhilipsRescaleIntercept": 0,
	"PhilipsScaleSlope": 0.00090809,
	"UsePhilipsFloatNotDisplayScaling": 1,
	"SliceThickness": 3.5,
	"SpacingBetweenSlices": 4,
	"SAR": 0.610139,
	"TablePosition": [
		0,
		0,
		33.8	],
	"EchoTime": 0.03,
	"RepetitionTime": 2,
	"MTState": false,
	"FlipAngle": 90,
	"CoilString": "MULTI COIL",
	"PercentPhaseFOV": 100,
	"PercentSampling": 101.316,
	"EchoTrainLength": 43,
	"PhaseEncodingSteps": 76,
	"FrequencyEncodingSteps": 76,
	"PhaseEncodingStepsOutOfPlane": 1,
	"AcquisitionMatrixPE": 76,
	"ReconMatrixPE": 80,
	"ParallelReductionFactorInPlane": 1.8,
	"ParallelAcquisitionTechnique": "SENSE",
	"WaterFatShift": 8.09107,
	"EstimatedEffectiveEchoSpacing": 0.000230458,
	"EstimatedTotalReadoutTime": 0.0182062,
	"PixelBandwidth": 3654,
	"PhaseEncodingAxis": "j",
	"ImageOrientationPatientDICOM": [
		0.999741,
		0.0106004,
		0.0201456,
		-0.00349263,
		0.945913,
		-0.324402	],
	"InPlanePhaseEncodingDirectionDICOM": "COL",
	"TaskName": "taskVFS",
	"BidsGuess": ["func","_acq-SKGRFEEPIp18_run-301_bold"],
	"ConversionSoftware": "dcm2niix",
	"ConversionSoftwareVersion": "v1.0.20241211"
}
