{
    "Modality": "MR",
    "MagneticFieldStrength": 3,
    "ImagingFrequency": 127.73895,
    "Manufacturer": "Philips",
    "ManufacturersModelName": "Achieva",
    "InstitutionName": "Tsinghua University",
    "InstitutionalDepartmentName": "Center for Biomedical Imaging Research",
    "DeviceSerialNumber": "38092",
    "StationName": "PHILIPS-RTEC3L4",
    "PatientPosition": "HFS",
    "ProcedureStepDescription": "DBS-3.0T ON",
    "SoftwareVersions": "3.2.7\\3.2.7.1",
    "MRAcquisitionType": "3D",
    "StudyDescription": "DBS-3.0T ON",
    "SeriesDescription": "SWP+QSM",
    "ProtocolName": "WIP SWP+QSM SENSE",
    "ScanningSequence": "GR",
    "SequenceVariant": "SP",
    "ScanOptions": "FC",
    "PulseSequenceName": "T1FFE",
    "ImageType": [
        "ORIGINAL",
        "PRIMARY",
        "SW",
        "P",
        "FFE",
        "SW",
        "P",
        "FFE",
        "PHASE"
    ],
    "SeriesNumber": 301,
    "AcquisitionTime": "13:31:31.430000",
    "AcquisitionNumber": 3,
    "PhilipsRescaleSlope": 1.53455,
    "PhilipsRescaleIntercept": -3142,
    "PhilipsScaleSlope": 651.74,
    "UsePhilipsFloatNotDisplayScaling": 1,
    "SliceThickness": 1.5,
    "SpacingBetweenSlices": 0.75,
    "SAR": 0.00868562,
    "TablePosition": [
        0,
        0,
        0.2
    ],
    "RepetitionTime": 0.0302529,
    "MTState": false,
    "SpoilingState": true,
    "SpoilingType": "COMBINED",
    "FlipAngle": 12,
    "CoilString": "MULTI COIL",
    "PercentPhaseFOV": 81.8182,
    "PercentSampling": 77.9165,
    "EchoTrainLength": 5,
    "PhaseEncodingSteps": 306,
    "FrequencyEncodingSteps": 308,
    "PhaseEncodingStepsOutOfPlane": 86,
    "AcquisitionMatrixPE": 306,
    "ReconMatrixPE": 512,
    "ParallelReductionFactorInPlane": 2,
    "ParallelAcquisitionTechnique": "SENSE",
    "ParallelReductionFactorOutOfPlane": 1.5,
    "WaterFatShift": 1.51349,
    "EstimatedEffectiveEchoSpacing": 5.68297e-06,
    "EstimatedTotalReadoutTime": 0.002904,
    "AcquisitionDuration": 235.821,
    "PixelBandwidth": 287,
    "ImageOrientationPatientDICOM": [
        0.998546,
        0.0146131,
        0.051883,
        -0.000453775,
        0.964794,
        -0.263005
    ],
    "InPlanePhaseEncodingDirectionDICOM": "ROW",
    "BidsGuess": [
        "fmap",
        "_acq-SPGRT1FFEp20_run-301_phase1"
    ],
    "ConversionSoftware": "dcm2niix",
    "ConversionSoftwareVersion": "v1.0.20241211",
    "Units": "rad"
}