{
	"Modality": "MR",
	"MagneticFieldStrength": 3,
	"ImagingFrequency": 127.739266,
	"Manufacturer": "Philips",
	"ManufacturersModelName": "Achieva",
	"InstitutionName": "Tsinghua University",
	"InstitutionalDepartmentName": "Center for Biomedical Imaging Research",
	"DeviceSerialNumber": "38092",
	"StationName": "PHILIPS-RTEC3L4",
	"PatientPosition": "HFS",
	"ProcedureStepDescription": "DBS-3.0T",
	"SoftwareVersions": "3.2.7\\3.2.7.1",
	"MRAcquisitionType": "2D",
	"StudyDescription": "DBS-3.0T",
	"SeriesDescription": "T2W_TSE  70SLICE",
	"ProtocolName": "WIP T2W_TSE  70SLICE CLEAR",
	"ScanningSequence": "SE",
	"SequenceVariant": "SK",
	"ScanOptions": "FS",
	"PulseSequenceName": "TSE",
	"ImageType": ["ORIGINAL", "PRIMARY", "M", "SE", "M", "SE", "MAGNITUDE"],
	"SeriesNumber": 1101,
	"AcquisitionTime": "11:01:26.180000",
	"AcquisitionNumber": 11,
	"PhilipsRescaleSlope": 12.5985,
	"PhilipsRescaleIntercept": 0,
	"PhilipsScaleSlope": 0.0173571,
	"UsePhilipsFloatNotDisplayScaling": 1,
	"SliceThickness": 2,
	"SpacingBetweenSlices": 2,
	"SAR": 0.218162,
	"TablePosition": [
		0,
		0,
		-0.3	],
	"EchoTime": 0.09,
	"RepetitionTime": 3.89395,
	"MTState": false,
	"FlipAngle": 90,
	"CoilString": "MULTI COIL",
	"PercentPhaseFOV": 100,
	"PercentSampling": 99.1758,
	"EchoTrainLength": 17,
	"PartialFourierDirection": "FREQUENCY",
	"PhaseEncodingSteps": 357,
	"FrequencyEncodingSteps": 364,
	"PhaseEncodingStepsOutOfPlane": 1,
	"AcquisitionMatrixPE": 357,
	"ReconMatrixPE": 512,
	"WaterFatShift": 1.62611,
	"EstimatedEffectiveEchoSpacing": 6.91995e-06,
	"EstimatedTotalReadoutTime": 0.00353609,
	"AcquisitionDuration": 342.668,
	"PixelBandwidth": 267,
	"PhaseEncodingAxis": "i",
	"ImageOrientationPatientDICOM": [
		0.989452,
		0.144864,
		-1.68129e-09,
		-0.0501691,
		0.342666,
		-0.938117	],
	"InPlanePhaseEncodingDirectionDICOM": "ROW",
	"BidsGuess": ["anat","_acq-SKSETSE_run-1101_T2w"],
	"ConversionSoftware": "dcm2niix",
	"ConversionSoftwareVersion": "v1.0.20241211"
}
