{
	"Modality": "MR",
	"MagneticFieldStrength": 3,
	"ImagingFrequency": 127.739277,
	"Manufacturer": "Philips",
	"ManufacturersModelName": "Achieva",
	"InstitutionName": "Tsinghua University",
	"InstitutionalDepartmentName": "Center for Biomedical Imaging Research",
	"DeviceSerialNumber": "38092",
	"StationName": "PHILIPS-RTEC3L4",
	"PatientPosition": "HFS",
	"ProcedureStepDescription": "DBS-3.0T",
	"SoftwareVersions": "3.2.7\\3.2.7.1",
	"MRAcquisitionType": "3D",
	"StudyDescription": "DBS-3.0T",
	"SeriesDescription": "SWP+QSM",
	"ProtocolName": "WIP SWP+QSM SENSE",
	"ScanningSequence": "GR",
	"SequenceVariant": "SP",
	"ScanOptions": "FC",
	"PulseSequenceName": "T1FFE",
	"ImageType": ["ORIGINAL", "PRIMARY", "SW", "M", "FFE", "SW", "M", "FFE", "MAGNITUDE"],
	"SeriesNumber": 1601,
	"AcquisitionTime": "11:16:39.970000",
	"AcquisitionNumber": 16,
	"PhilipsRescaleSlope": 10.3114,
	"PhilipsRescaleIntercept": 0,
	"PhilipsScaleSlope": 0.00112903,
	"UsePhilipsFloatNotDisplayScaling": 1,
	"SliceThickness": 1.5,
	"SpacingBetweenSlices": 0.75,
	"SAR": 0.00869168,
	"TablePosition": [
		0,
		0,
		-0.3	],
	"RepetitionTime": 0.0302318,
	"MTState": false,
	"SpoilingState": true,
	"SpoilingType": "COMBINED",
	"FlipAngle": 12,
	"CoilString": "MULTI COIL",
	"PercentPhaseFOV": 81.8182,
	"PercentSampling": 77.9165,
	"EchoTrainLength": 5,
	"PartialFourierDirection": "FREQUENCY",
	"PhaseEncodingSteps": 306,
	"FrequencyEncodingSteps": 308,
	"PhaseEncodingStepsOutOfPlane": 86,
	"AcquisitionMatrixPE": 306,
	"ReconMatrixPE": 512,
	"ParallelReductionFactorInPlane": 2,
	"ParallelAcquisitionTechnique": "SENSE",
	"ParallelReductionFactorOutOfPlane": 1.5,
	"WaterFatShift": 1.5135,
	"EstimatedEffectiveEchoSpacing": 5.68297e-06,
	"EstimatedTotalReadoutTime": 0.002904,
	"AcquisitionDuration": 235.657,
	"PixelBandwidth": 287,
	"ImageOrientationPatientDICOM": [
		0.987704,
		0.0135304,
		0.155748,
		-0.00154137,
		0.997042,
		-0.0768413	],
	"InPlanePhaseEncodingDirectionDICOM": "ROW",
	"BidsGuess": ["fmap","_acq-SPGRT1FFEp20_run-1601_magnitude1"],
	"ConversionSoftware": "dcm2niix",
	"ConversionSoftwareVersion": "v1.0.20241211"
}
