{
	"Modality": "MR",
	"MagneticFieldStrength": 3,
	"ImagingFrequency": 127.739269,
	"Manufacturer": "Philips",
	"ManufacturersModelName": "Achieva",
	"InstitutionName": "Tsinghua University",
	"InstitutionalDepartmentName": "Center for Biomedical Imaging Research",
	"DeviceSerialNumber": "38092",
	"StationName": "PHILIPS-RTEC3L4",
	"PatientPosition": "HFS",
	"ProcedureStepDescription": "DBS-3.0T",
	"SoftwareVersions": "3.2.7\\3.2.7.1",
	"MRAcquisitionType": "2D",
	"StudyDescription": "DBS-3.0T",
	"SeriesDescription": "T2W_TSE  70SLICE",
	"ProtocolName": "WIP T2W_TSE  70SLICE CLEAR",
	"ScanningSequence": "SE",
	"SequenceVariant": "SK",
	"ScanOptions": "FS",
	"PulseSequenceName": "TSE",
	"ImageType": ["ORIGINAL", "PRIMARY", "M", "SE", "M", "SE", "MAGNITUDE"],
	"SeriesNumber": 701,
	"AcquisitionTime": "10:48:16.760000",
	"AcquisitionNumber": 7,
	"PhilipsRescaleSlope": 12.9385,
	"PhilipsRescaleIntercept": 0,
	"PhilipsScaleSlope": 0.0174082,
	"UsePhilipsFloatNotDisplayScaling": 1,
	"SliceThickness": 2,
	"SpacingBetweenSlices": 2,
	"SAR": 0.218163,
	"TablePosition": [
		0,
		0,
		-0.3	],
	"EchoTime": 0.09,
	"RepetitionTime": 3.8929,
	"MTState": false,
	"FlipAngle": 90,
	"CoilString": "MULTI COIL",
	"PercentPhaseFOV": 100,
	"PercentSampling": 99.1758,
	"EchoTrainLength": 17,
	"PartialFourierDirection": "FREQUENCY",
	"PhaseEncodingSteps": 357,
	"FrequencyEncodingSteps": 364,
	"PhaseEncodingStepsOutOfPlane": 1,
	"AcquisitionMatrixPE": 357,
	"ReconMatrixPE": 512,
	"WaterFatShift": 1.62611,
	"EstimatedEffectiveEchoSpacing": 6.91995e-06,
	"EstimatedTotalReadoutTime": 0.0035361,
	"AcquisitionDuration": 342.575,
	"PixelBandwidth": 267,
	"PhaseEncodingAxis": "i",
	"ImageOrientationPatientDICOM": [
		0.993332,
		0.078842,
		0.0841116,
		-0.0768451,
		0.996685,
		-0.0267249	],
	"InPlanePhaseEncodingDirectionDICOM": "ROW",
	"BidsGuess": ["anat","_acq-SKSETSE_run-701_T2w"],
	"ConversionSoftware": "dcm2niix",
	"ConversionSoftwareVersion": "v1.0.20241211"
}
