{
	"Modality": "MR",
	"MagneticFieldStrength": 3,
	"ImagingFrequency": 127.737356,
	"Manufacturer": "Philips",
	"ManufacturersModelName": "Achieva",
	"InstitutionName": "Tsinghua University",
	"InstitutionalDepartmentName": "Center for Biomedical Imaging Research",
	"DeviceSerialNumber": "38092",
	"StationName": "PHILIPS-RTEC3L4",
	"PatientPosition": "HFS",
	"SoftwareVersions": "3.2.7\\3.2.7.1",
	"MRAcquisitionType": "3D",
	"SeriesDescription": "T1W_3D_TFE_ref CLEAR",
	"ProtocolName": "WIP T1W_3D_TFE_ref CLEAR",
	"ScanningSequence": "GR",
	"SequenceVariant": "MP",
	"ScanOptions": "OTHER",
	"PulseSequenceName": "T1TFE",
	"ImageType": ["ORIGINAL", "PRIMARY", "M", "FFE", "M", "FFE", "MAGNITUDE"],
	"SeriesNumber": 1101,
	"AcquisitionTime": "12:03:25.460000",
	"AcquisitionNumber": 11,
	"PhilipsRescaleSlope": 4.43907,
	"PhilipsRescaleIntercept": 0,
	"PhilipsScaleSlope": 0.000852234,
	"UsePhilipsFloatNotDisplayScaling": 1,
	"SliceThickness": 2,
	"SpacingBetweenSlices": 1,
	"SAR": 0.216188,
	"TablePosition": [
		0,
		0,
		0.1	],
	"EchoTime": 0.00377,
	"RepetitionTime": 0.007667,
	"MTState": false,
	"SpoilingState": true,
	"SpoilingType": "COMBINED",
	"FlipAngle": 8,
	"CoilString": "MULTI COIL",
	"PercentPhaseFOV": 100,
	"PercentSampling": 100,
	"EchoTrainLength": 256,
	"PhaseEncodingSteps": 256,
	"FrequencyEncodingSteps": 256,
	"PhaseEncodingStepsOutOfPlane": 90,
	"AcquisitionMatrixPE": 256,
	"ReconMatrixPE": 256,
	"WaterFatShift": 2.26812,
	"EstimatedEffectiveEchoSpacing": 2.04003e-05,
	"EstimatedTotalReadoutTime": 0.00520208,
	"AcquisitionDuration": 254.007,
	"PixelBandwidth": 191,
	"ImageOrientationPatientDICOM": [
		-0.00563643,
		0.991641,
		-0.128901,
		-0.000209973,
		-0.128904,
		-0.991657	],
	"InPlanePhaseEncodingDirectionDICOM": "ROW",
	"BidsGuess": ["anat","_acq-MPGRT1TFE_run-1101_T1w"],
	"ConversionSoftware": "dcm2niix",
	"ConversionSoftwareVersion": "v1.0.20241211"
}
