{
    "Modality": "MR",
    "MagneticFieldStrength": 3,
    "ImagingFrequency": 127.739461,
    "Manufacturer": "Philips",
    "ManufacturersModelName": "Achieva",
    "InstitutionName": "Tsinghua University",
    "InstitutionalDepartmentName": "Center for Biomedical Imaging Research",
    "DeviceSerialNumber": "38092",
    "StationName": "PHILIPS-RTEC3L4",
    "PatientPosition": "HFS",
    "ProcedureStepDescription": "DBS-3.0T",
    "SoftwareVersions": "3.2.7\\3.2.7.1",
    "MRAcquisitionType": "2D",
    "StudyDescription": "DBS-3.0T",
    "SeriesDescription": "iso_NODDI",
    "ProtocolName": "WIP iso_NODDI SENSE",
    "ScanningSequence": "SE",
    "SequenceVariant": "SK",
    "ScanOptions": "FS",
    "PulseSequenceName": "DwiSE",
    "ImageType": [
        "ORIGINAL",
        "PRIMARY",
        "M",
        "SE",
        "M",
        "SE",
        "MAGNITUDE"
    ],
    "SeriesNumber": 1201,
    "AcquisitionTime": "09:54:15.810000",
    "AcquisitionNumber": 12,
    "PhilipsRescaleSlope": 4.12576,
    "PhilipsRescaleIntercept": 0,
    "PhilipsScaleSlope": 0.00183238,
    "UsePhilipsFloatNotDisplayScaling": 1,
    "SliceThickness": 2.8,
    "SpacingBetweenSlices": 2.8,
    "SAR": 0.0738511,
    "TablePosition": [
        0,
        0,
        -0.5
    ],
    "EchoTime": 0.085069,
    "RepetitionTime": 5.49856,
    "MTState": false,
    "FlipAngle": 90,
    "CoilString": "MULTI COIL",
    "PercentPhaseFOV": 100,
    "PercentSampling": 100,
    "EchoTrainLength": 39,
    "PartialFourierDirection": "PHASE",
    "PartialFourierEnabled": "YES",
    "PhaseEncodingStepsNoPartialFourier": 78,
    "FrequencyEncodingSteps": 80,
    "PhaseEncodingStepsOutOfPlane": 1,
    "AcquisitionMatrixPE": 78,
    "ReconMatrixPE": 128,
    "ParallelReductionFactorInPlane": 2,
    "ParallelAcquisitionTechnique": "SENSE",
    "WaterFatShift": 9.01745,
    "EstimatedEffectiveEchoSpacing": 0.000159397,
    "EstimatedTotalReadoutTime": 0.0202435,
    "AcquisitionDuration": 467.377,
    "PixelBandwidth": 2670,
    "PhaseEncodingAxis": "j",
    "ImageOrientationPatientDICOM": [
        0.999617,
        0.010185,
        0.0257497,
        -0.00513416,
        0.981947,
        -0.189089
    ],
    "InPlanePhaseEncodingDirectionDICOM": "COL",
    "BidsGuess": [
        "dwi",
        "_acq-SKSEDwiSEp20_run-1201_dwi"
    ],
    "ConversionSoftware": "dcm2niix",
    "ConversionSoftwareVersion": "v1.0.20241211",
    "Dcm2bidsVersion": "3.2.0"
}