{
	"Modality": "MR",
	"MagneticFieldStrength": 3,
	"ImagingFrequency": 127.763537,
	"Manufacturer": "Philips",
	"ManufacturersModelName": "Achieva",
	"InstitutionName": "Tsinghua University",
	"InstitutionalDepartmentName": "Center for Biomedical Imaging Research",
	"DeviceSerialNumber": "38092",
	"StationName": "PHILIPS-RTEC3L4",
	"PatientPosition": "HFS",
	"ProcedureStepDescription": "DBS3.0T",
	"SoftwareVersions": "3.2.7\\3.2.7.1",
	"MRAcquisitionType": "3D",
	"StudyDescription": "DBS3.0T",
	"SeriesDescription": "SWP+QSM",
	"ProtocolName": "WIP SWP+QSM SENSE",
	"ScanningSequence": "GR",
	"SequenceVariant": "SP",
	"ScanOptions": "FC",
	"PulseSequenceName": "T1FFE",
	"ImageType": ["ORIGINAL", "PRIMARY", "SW", "M", "FFE", "SW", "M", "FFE", "MAGNITUDE"],
	"SeriesNumber": 1101,
	"AcquisitionTime": "10:54:44.960000",
	"AcquisitionNumber": 11,
	"PhilipsRescaleSlope": 10.2418,
	"PhilipsRescaleIntercept": 0,
	"PhilipsScaleSlope": 0.00109841,
	"UsePhilipsFloatNotDisplayScaling": 1,
	"SliceThickness": 1.5,
	"SpacingBetweenSlices": 0.75,
	"SAR": 0.008703,
	"TablePosition": [
		0,
		0,
		-46.9	],
	"RepetitionTime": 0.0301925,
	"MTState": false,
	"SpoilingState": true,
	"SpoilingType": "COMBINED",
	"FlipAngle": 12,
	"CoilString": "MULTI COIL",
	"PercentPhaseFOV": 81.8182,
	"PercentSampling": 77.9165,
	"EchoTrainLength": 5,
	"PhaseEncodingSteps": 306,
	"FrequencyEncodingSteps": 308,
	"PhaseEncodingStepsOutOfPlane": 86,
	"AcquisitionMatrixPE": 306,
	"ReconMatrixPE": 512,
	"ParallelReductionFactorInPlane": 2,
	"ParallelAcquisitionTechnique": "SENSE",
	"ParallelReductionFactorOutOfPlane": 1.5,
	"WaterFatShift": 1.51378,
	"EstimatedEffectiveEchoSpacing": 5.68297e-06,
	"EstimatedTotalReadoutTime": 0.002904,
	"AcquisitionDuration": 235.351,
	"PixelBandwidth": 287,
	"ImageOrientationPatientDICOM": [
		0.999326,
		0.00910256,
		0.0355679,
		-0.003805,
		0.989239,
		-0.14626	],
	"InPlanePhaseEncodingDirectionDICOM": "ROW",
	"BidsGuess": ["fmap","_acq-SPGRT1FFEp20_run-1101_magnitude1"],
	"ConversionSoftware": "dcm2niix",
	"ConversionSoftwareVersion": "v1.0.20241211"
}
