{
	"Modality": "MR",
	"MagneticFieldStrength": 3,
	"ImagingFrequency": 127.737321,
	"Manufacturer": "Philips",
	"ManufacturersModelName": "Achieva",
	"InstitutionName": "Tsinghua University",
	"InstitutionalDepartmentName": "Center for Biomedical Imaging Research",
	"DeviceSerialNumber": "38092",
	"StationName": "PHILIPS-RTEC3L4",
	"PatientPosition": "HFS",
	"ProcedureStepDescription": "DBS-3.0T",
	"SoftwareVersions": "3.2.7\\3.2.7.1",
	"MRAcquisitionType": "2D",
	"StudyDescription": "DBS-3.0T",
	"SeriesDescription": "T2W_TSE  70SLICE",
	"ProtocolName": "WIP T2W_TSE  70SLICE CLEAR",
	"ScanningSequence": "SE",
	"SequenceVariant": "SK",
	"ScanOptions": "FS",
	"PulseSequenceName": "TSE",
	"ImageType": ["ORIGINAL", "PRIMARY", "M", "SE", "M", "SE", "MAGNITUDE"],
	"SeriesNumber": 1101,
	"AcquisitionTime": "11:09:56.080000",
	"AcquisitionNumber": 11,
	"PhilipsRescaleSlope": 11.0422,
	"PhilipsRescaleIntercept": 0,
	"PhilipsScaleSlope": 0.0305659,
	"UsePhilipsFloatNotDisplayScaling": 1,
	"SliceThickness": 2,
	"SpacingBetweenSlices": 2,
	"SAR": 0.218163,
	"TablePosition": [
		0,
		0,
		-0	],
	"EchoTime": 0.09,
	"RepetitionTime": 2.59539,
	"MTState": false,
	"FlipAngle": 90,
	"CoilString": "MULTI COIL",
	"PercentPhaseFOV": 100,
	"PercentSampling": 99.3056,
	"EchoTrainLength": 17,
	"PhaseEncodingSteps": 272,
	"FrequencyEncodingSteps": 288,
	"PhaseEncodingStepsOutOfPlane": 1,
	"AcquisitionMatrixPE": 272,
	"ReconMatrixPE": 512,
	"WaterFatShift": 1.97271,
	"EstimatedEffectiveEchoSpacing": 8.39501e-06,
	"EstimatedTotalReadoutTime": 0.00428985,
	"AcquisitionDuration": 176.486,
	"PixelBandwidth": 220,
	"PhaseEncodingAxis": "i",
	"ImageOrientationPatientDICOM": [
		0.99991,
		0.00759389,
		-0.0110546,
		-0.0108077,
		0.944307,
		-0.328887	],
	"InPlanePhaseEncodingDirectionDICOM": "ROW",
	"BidsGuess": ["anat","_acq-SKSETSE_run-1101_T2w"],
	"ConversionSoftware": "dcm2niix",
	"ConversionSoftwareVersion": "v1.0.20241211"
}
