{
	"Modality": "CT",
	"Manufacturer": "Siemens",
	"ManufacturersModelName": "Sensation 16",
	"InstitutionName": "Beijing Tiantan Hospital",
	"InstitutionAddress": "Street\nCity/76e4b1/\nDistrict\nCN",
	"DeviceSerialNumber": "53621",
	"StationName": "CT10457",
	"BodyPart": "HEAD",
	"PatientPosition": "HFS",
	"SoftwareVersions": "syngo CT 2006G",
	"StudyDescription": "Head^QUAN (Adult)",
	"SeriesDescription": "CerebrumSeq  0.75  H30s",
	"ProtocolName": "QUAN",
	"ImageType": ["ORIGINAL", "PRIMARY", "AXIAL", "CT", "SOM5 SEQ"],
	"SeriesNumber": 4,
	"AcquisitionTime": "20:05:0.063000",
	"AcquisitionNumber": 2,
	"ConvolutionKernel": "H30s",
	"ExposureTime": 1,
	"XRayTubeCurrent": 310,
	"XRayExposure": 310,
	"ImageOrientationPatientDICOM": [
		1,
		0,
		0,
		0,
		1,
		0	],
	"BidsGuess": ["CT","CT"],
	"ConversionSoftware": "dcm2niix",
	"ConversionSoftwareVersion": "v1.0.20241211"
}
