{
    "Modality": "MR",
    "MagneticFieldStrength": 3,
    "ImagingFrequency": 127.739451,
    "Manufacturer": "Philips",
    "ManufacturersModelName": "Achieva",
    "InstitutionName": "Tsinghua University",
    "InstitutionalDepartmentName": "Center for Biomedical Imaging Research",
    "DeviceSerialNumber": "38092",
    "StationName": "PHILIPS-RTEC3L4",
    "PatientPosition": "HFS",
    "ProcedureStepDescription": "DBS-3.0T",
    "SoftwareVersions": "3.2.7\\3.2.7.1",
    "MRAcquisitionType": "2D",
    "StudyDescription": "DBS-3.0T",
    "SeriesDescription": "FE_EPI-bold SENSE",
    "ProtocolName": "WIP FE_EPI-bold SENSE",
    "ScanningSequence": "GR",
    "SequenceVariant": "SK",
    "ScanOptions": "SP",
    "PulseSequenceName": "FEEPI",
    "ImageType": [
        "ORIGINAL",
        "PRIMARY",
        "M",
        "FFE",
        "M",
        "FFE",
        "MAGNITUDE"
    ],
    "SeriesNumber": 901,
    "AcquisitionTime": "09:42:11.840000",
    "AcquisitionNumber": 9,
    "PhilipsRescaleSlope": 0.810989,
    "PhilipsRescaleIntercept": 0,
    "PhilipsScaleSlope": 0.0031255,
    "UsePhilipsFloatNotDisplayScaling": 1,
    "SliceThickness": 3.5,
    "SpacingBetweenSlices": 4,
    "SAR": 0.146331,
    "TablePosition": [
        0,
        0,
        -0.5
    ],
    "EchoTime": 0.03,
    "RepetitionTime": 2,
    "MTState": false,
    "FlipAngle": 90,
    "CoilString": "MULTI COIL",
    "PercentPhaseFOV": 100,
    "PercentSampling": 101.316,
    "EchoTrainLength": 43,
    "PhaseEncodingSteps": 76,
    "FrequencyEncodingSteps": 76,
    "PhaseEncodingStepsOutOfPlane": 1,
    "AcquisitionMatrixPE": 76,
    "ReconMatrixPE": 80,
    "ParallelReductionFactorInPlane": 1.8,
    "ParallelAcquisitionTechnique": "SENSE",
    "WaterFatShift": 8.0911,
    "EstimatedEffectiveEchoSpacing": 0.000230458,
    "EstimatedTotalReadoutTime": 0.0182062,
    "PixelBandwidth": 3654,
    "PhaseEncodingAxis": "j",
    "ImageOrientationPatientDICOM": [
        0.999617,
        0.010185,
        0.0257497,
        -0.00513416,
        0.981947,
        -0.189089
    ],
    "InPlanePhaseEncodingDirectionDICOM": "COL",
    "BidsGuess": [
        "func",
        "_acq-SKGRFEEPIp18_run-901_bold"
    ],
    "TaskName": "restOFF",
    "ConversionSoftware": "dcm2niix",
    "ConversionSoftwareVersion": "v1.0.20241211",
    "Dcm2bidsVersion": "3.2.0"
}