{
	"Modality": "MR",
	"MagneticFieldStrength": 3,
	"ImagingFrequency": 127.739043,
	"Manufacturer": "Philips",
	"ManufacturersModelName": "Achieva",
	"InstitutionName": "Tsinghua University",
	"InstitutionalDepartmentName": "Center for Biomedical Imaging Research",
	"DeviceSerialNumber": "38092",
	"StationName": "PHILIPS-RTEC3L4",
	"PatientPosition": "HFS",
	"ProcedureStepDescription": "DBS-3.0T",
	"SoftwareVersions": "3.2.7\\3.2.7.1",
	"MRAcquisitionType": "3D",
	"StudyDescription": "DBS-3.0T",
	"SeriesDescription": "SNAP_cros_1mm 155",
	"ProtocolName": "WIP SNAP_cros_1mm 155 CLEAR",
	"ScanningSequence": "GR",
	"SequenceVariant": "MP",
	"ScanOptions": "FC",
	"PulseSequenceName": "T1TFE",
	"ImageType": ["ORIGINAL", "PRIMARY", "M", "FFE", "M", "FFE", "MAGNITUDE"],
	"SeriesNumber": 1201,
	"AcquisitionTime": "10:15:42.160000",
	"AcquisitionNumber": 12,
	"PhilipsRescaleSlope": 12.0842,
	"PhilipsRescaleIntercept": 0,
	"PhilipsScaleSlope": 0.00213495,
	"UsePhilipsFloatNotDisplayScaling": 1,
	"SliceThickness": 0.8,
	"SpacingBetweenSlices": 0.4,
	"SAR": 0.0394946,
	"TablePosition": [
		0,
		0,
		-38.6	],
	"EchoTime": 0.005645,
	"RepetitionTime": 0.0100364,
	"MTState": false,
	"SpoilingState": true,
	"SpoilingType": "COMBINED",
	"FlipAngle": 11,
	"CoilString": "MULTI COIL",
	"PercentPhaseFOV": 100,
	"PercentSampling": 78.5398,
	"EchoTrainLength": 98,
	"PhaseEncodingSteps": 200,
	"FrequencyEncodingSteps": 200,
	"PhaseEncodingStepsOutOfPlane": 75,
	"AcquisitionMatrixPE": 200,
	"ReconMatrixPE": 400,
	"WaterFatShift": 1.36253,
	"EstimatedEffectiveEchoSpacing": 7.78323e-06,
	"EstimatedTotalReadoutTime": 0.00310551,
	"AcquisitionDuration": 307.172,
	"PixelBandwidth": 319,
	"ImageOrientationPatientDICOM": [
		0.999399,
		-0.0144559,
		0.0315135,
		0.0137867,
		0.999677,
		0.0213492	],
	"InPlanePhaseEncodingDirectionDICOM": "ROW",
	"BidsGuess": ["anat","_acq-MPGRT1TFE_run-1201_T1w"],
	"ConversionSoftware": "dcm2niix",
	"ConversionSoftwareVersion": "v1.0.20241211"
}
