{
	"Modality": "MR",
	"MagneticFieldStrength": 3,
	"ImagingFrequency": 127.76304,
	"Manufacturer": "Philips",
	"ManufacturersModelName": "Achieva",
	"InstitutionName": "Tsinghua University",
	"InstitutionalDepartmentName": "Center for Biomedical Imaging Research",
	"DeviceSerialNumber": "38092",
	"StationName": "PHILIPS-RTEC3L4",
	"PatientPosition": "HFS",
	"SoftwareVersions": "3.2.7\\3.2.7.1",
	"MRAcquisitionType": "3D",
	"SeriesDescription": "T2WI 3D FLAIR 1MM",
	"ProtocolName": "WIP T2WI 3D FLAIR 1MM SENSE",
	"ScanningSequence": "IR",
	"SequenceVariant": "SK",
	"ScanOptions": "FS",
	"PulseSequenceName": "TIR",
	"ImageType": ["ORIGINAL", "PRIMARY", "M", "IR", "M", "IR", "MAGNITUDE"],
	"SeriesNumber": 301,
	"AcquisitionTime": "11:54:35.530000",
	"AcquisitionNumber": 3,
	"PhilipsRescaleSlope": 16.4835,
	"PhilipsRescaleIntercept": 0,
	"PhilipsScaleSlope": 0.000243995,
	"UsePhilipsFloatNotDisplayScaling": 1,
	"SliceThickness": 1.5,
	"SpacingBetweenSlices": 1.5,
	"SAR": 0.031752,
	"TablePosition": [
		0,
		0,
		-0.2	],
	"EchoTime": 0.341289,
	"RepetitionTime": 5,
	"MTState": false,
	"InversionTime": 1.65,
	"FlipAngle": 90,
	"CoilString": "MULTI COIL",
	"PercentPhaseFOV": 115.873,
	"PercentSampling": 78.0019,
	"EchoTrainLength": 182,
	"PhaseEncodingSteps": 291,
	"FrequencyEncodingSteps": 292,
	"PhaseEncodingStepsOutOfPlane": 120,
	"AcquisitionMatrixPE": 291,
	"ReconMatrixPE": 384,
	"ParallelReductionFactorInPlane": 1.4,
	"ParallelAcquisitionTechnique": "SENSE",
	"ParallelReductionFactorOutOfPlane": 1.4,
	"WaterFatShift": 0.425359,
	"EstimatedEffectiveEchoSpacing": 2.54269e-06,
	"EstimatedTotalReadoutTime": 0.000973849,
	"AcquisitionDuration": 390,
	"PixelBandwidth": 1021,
	"ImageOrientationPatientDICOM": [
		0.0107658,
		0.999941,
		-0.00163585,
		0.0499185,
		-0.00217135,
		-0.998751	],
	"InPlanePhaseEncodingDirectionDICOM": "ROW",
	"BidsGuess": ["anat","_acq-SKIRTIRp14_run-301_FLAIR"],
	"ConversionSoftware": "dcm2niix",
	"ConversionSoftwareVersion": "v1.0.20241211"
}
