{
	"Modality": "MR",
	"MagneticFieldStrength": 3,
	"ImagingFrequency": 127.759785,
	"Manufacturer": "Philips",
	"ManufacturersModelName": "Achieva",
	"InstitutionName": "Tsinghua University",
	"InstitutionalDepartmentName": "Center for Biomedical Imaging Research",
	"DeviceSerialNumber": "38092",
	"StationName": "PHILIPS-LUCLI2V",
	"PatientPosition": "HFS",
	"ProcedureStepDescription": "DBS-3.0T",
	"SoftwareVersions": "3.2.7\\3.2.7.2",
	"MRAcquisitionType": "3D",
	"StudyDescription": "DBS-3.0T",
	"SeriesDescription": "T1W_3D_TFE_ref CLEAR",
	"ProtocolName": "WIP T1W_3D_TFE_ref CLEAR",
	"ScanningSequence": "GR",
	"SequenceVariant": "MP",
	"ScanOptions": "OTHER",
	"PulseSequenceName": "T1TFE",
	"ImageType": ["ORIGINAL", "PRIMARY", "M", "FFE", "M", "FFE", "MAGNITUDE"],
	"SeriesNumber": 201,
	"AcquisitionTime": "10:07:51.310000",
	"AcquisitionNumber": 2,
	"PhilipsRescaleSlope": 3.884,
	"PhilipsRescaleIntercept": 0,
	"PhilipsScaleSlope": 0.000844978,
	"UsePhilipsFloatNotDisplayScaling": 1,
	"SliceThickness": 2,
	"SpacingBetweenSlices": 1,
	"SAR": 0.216188,
	"TablePosition": [
		0,
		0,
		28.2	],
	"EchoTime": 0.003717,
	"RepetitionTime": 0.0076305,
	"MTState": false,
	"SpoilingState": true,
	"SpoilingType": "COMBINED",
	"FlipAngle": 8,
	"CoilString": "MULTI COIL",
	"PercentPhaseFOV": 100,
	"PercentSampling": 100,
	"EchoTrainLength": 256,
	"PhaseEncodingSteps": 256,
	"FrequencyEncodingSteps": 256,
	"PhaseEncodingStepsOutOfPlane": 90,
	"AcquisitionMatrixPE": 256,
	"ReconMatrixPE": 256,
	"WaterFatShift": 2.26852,
	"EstimatedEffectiveEchoSpacing": 2.04003e-05,
	"EstimatedTotalReadoutTime": 0.00520208,
	"AcquisitionDuration": 253.997,
	"PixelBandwidth": 191,
	"ImageOrientationPatientDICOM": [
		-0.118242,
		0.992928,
		0.0106022,
		0.0355467,
		0.0149028,
		-0.999257	],
	"InPlanePhaseEncodingDirectionDICOM": "ROW",
	"BidsGuess": ["anat","_acq-MPGRT1TFE_run-201_T1w"],
	"ConversionSoftware": "dcm2niix",
	"ConversionSoftwareVersion": "v1.0.20241211"
}
