{
	"Modality": "MR",
	"MagneticFieldStrength": 3,
	"ImagingFrequency": 127.738053,
	"Manufacturer": "Philips",
	"ManufacturersModelName": "Achieva",
	"InstitutionName": "Tsinghua University",
	"InstitutionalDepartmentName": "Center for Biomedical Imaging Research",
	"DeviceSerialNumber": "38092",
	"StationName": "PHILIPS-RTEC3L4",
	"PatientPosition": "HFS",
	"ProcedureStepDescription": "DBS-3.0T",
	"SoftwareVersions": "3.2.7\\3.2.7.1",
	"MRAcquisitionType": "2D",
	"StudyDescription": "DBS-3.0T",
	"SeriesDescription": "iso_NODDI",
	"ProtocolName": "WIP iso_NODDI SENSE",
	"ScanningSequence": "SE",
	"SequenceVariant": "SK",
	"ScanOptions": "FS",
	"PulseSequenceName": "DwiSE",
	"ImageType": ["ORIGINAL", "PRIMARY", "M", "SE", "M", "SE", "MAGNITUDE"],
	"SeriesNumber": 1601,
	"AcquisitionTime": "13:41:1.570000",
	"AcquisitionNumber": 16,
	"PhilipsRescaleSlope": 3.68156,
	"PhilipsRescaleIntercept": 0,
	"PhilipsScaleSlope": 0.00185902,
	"UsePhilipsFloatNotDisplayScaling": 1,
	"SliceThickness": 2.8,
	"SpacingBetweenSlices": 2.8,
	"SAR": 0.0739535,
	"TablePosition": [
		0,
		0,
		-1.4	],
	"EchoTime": 0.085069,
	"RepetitionTime": 5.49091,
	"MTState": false,
	"FlipAngle": 90,
	"CoilString": "MULTI COIL",
	"PercentPhaseFOV": 100,
	"PercentSampling": 100,
	"EchoTrainLength": 39,
	"PartialFourierDirection": "PHASE",
	"PartialFourierEnabled": "YES",
	"PhaseEncodingStepsNoPartialFourier": 78,
	"FrequencyEncodingSteps": 80,
	"PhaseEncodingStepsOutOfPlane": 1,
	"AcquisitionMatrixPE": 78,
	"ReconMatrixPE": 128,
	"ParallelReductionFactorInPlane": 2,
	"ParallelAcquisitionTechnique": "SENSE",
	"WaterFatShift": 8.90965,
	"EstimatedEffectiveEchoSpacing": 0.000157493,
	"EstimatedTotalReadoutTime": 0.0200017,
	"AcquisitionDuration": 466.727,
	"PixelBandwidth": 2674,
	"PhaseEncodingAxis": "j",
	"ImageOrientationPatientDICOM": [
		0.993159,
		0.113607,
		-0.026989,
		-0.116765,
		0.968094,
		-0.221721	],
	"InPlanePhaseEncodingDirectionDICOM": "COL",
	"BidsGuess": ["dwi","_acq-SKSEDwiSEp20_run-1601_dwi"],
	"ConversionSoftware": "dcm2niix",
	"ConversionSoftwareVersion": "v1.0.20241211"
}
