{
	"Modality": "MR",
	"MagneticFieldStrength": 3,
	"ImagingFrequency": 127.738166,
	"Manufacturer": "Philips",
	"ManufacturersModelName": "Achieva",
	"InstitutionName": "Tsinghua University",
	"InstitutionalDepartmentName": "Center for Biomedical Imaging Research",
	"DeviceSerialNumber": "38092",
	"StationName": "PHILIPS-RTEC3L4",
	"PatientPosition": "HFS",
	"ProcedureStepDescription": "DBS-3.0T",
	"SoftwareVersions": "3.2.7\\3.2.7.1",
	"MRAcquisitionType": "2D",
	"StudyDescription": "DBS-3.0T",
	"SeriesDescription": "iso_NODDI",
	"ProtocolName": "WIP iso_NODDI SENSE",
	"ScanningSequence": "SE",
	"SequenceVariant": "SK",
	"ScanOptions": "FS",
	"PulseSequenceName": "DwiSE",
	"ImageType": ["ORIGINAL", "PRIMARY", "M", "SE", "M", "SE", "MAGNITUDE"],
	"SeriesNumber": 1601,
	"AcquisitionTime": "13:32:11.980000",
	"AcquisitionNumber": 16,
	"PhilipsRescaleSlope": 3.42564,
	"PhilipsRescaleIntercept": 0,
	"PhilipsScaleSlope": 0.00180766,
	"UsePhilipsFloatNotDisplayScaling": 1,
	"SliceThickness": 2.8,
	"SpacingBetweenSlices": 2.8,
	"SAR": 0.073867,
	"TablePosition": [
		0,
		0,
		-41.6	],
	"EchoTime": 0.085069,
	"RepetitionTime": 5.49739,
	"MTState": false,
	"FlipAngle": 90,
	"CoilString": "MULTI COIL",
	"PercentPhaseFOV": 100,
	"PercentSampling": 100,
	"EchoTrainLength": 39,
	"PartialFourierDirection": "PHASE",
	"PartialFourierEnabled": "YES",
	"PhaseEncodingStepsNoPartialFourier": 78,
	"FrequencyEncodingSteps": 80,
	"PhaseEncodingStepsOutOfPlane": 1,
	"AcquisitionMatrixPE": 78,
	"ReconMatrixPE": 128,
	"ParallelReductionFactorInPlane": 2,
	"ParallelAcquisitionTechnique": "SENSE",
	"WaterFatShift": 8.99825,
	"EstimatedEffectiveEchoSpacing": 0.000159059,
	"EstimatedTotalReadoutTime": 0.0202005,
	"AcquisitionDuration": 467.278,
	"PixelBandwidth": 2684,
	"PhaseEncodingAxis": "j",
	"ImageOrientationPatientDICOM": [
		0.994351,
		0.0224047,
		-0.103749,
		-0.0310824,
		0.996082,
		-0.0827955	],
	"InPlanePhaseEncodingDirectionDICOM": "COL",
	"BidsGuess": ["dwi","_acq-SKSEDwiSEp20_run-1601_dwi"],
	"ConversionSoftware": "dcm2niix",
	"ConversionSoftwareVersion": "v1.0.20241211"
}
