{
	"Modality": "MR",
	"MagneticFieldStrength": 3,
	"ImagingFrequency": 127.739038,
	"Manufacturer": "Philips",
	"ManufacturersModelName": "Achieva",
	"InstitutionName": "Tsinghua University",
	"InstitutionalDepartmentName": "Center for Biomedical Imaging Research",
	"DeviceSerialNumber": "38092",
	"StationName": "PHILIPS-RTEC3L4",
	"PatientPosition": "HFS",
	"ProcedureStepDescription": "DBS-3.0T",
	"SoftwareVersions": "3.2.7\\3.2.7.1",
	"MRAcquisitionType": "2D",
	"StudyDescription": "DBS-3.0T",
	"SeriesDescription": "iso_NODDI",
	"ProtocolName": "WIP iso_NODDI SENSE",
	"ScanningSequence": "SE",
	"SequenceVariant": "SK",
	"ScanOptions": "FS",
	"PulseSequenceName": "DwiSE",
	"ImageType": ["ORIGINAL", "PRIMARY", "M", "SE", "M", "SE", "MAGNITUDE"],
	"SeriesNumber": 1201,
	"AcquisitionTime": "10:22:23.080000",
	"AcquisitionNumber": 12,
	"PhilipsRescaleSlope": 4.12894,
	"PhilipsRescaleIntercept": 0,
	"PhilipsScaleSlope": 0.00185289,
	"UsePhilipsFloatNotDisplayScaling": 1,
	"SliceThickness": 2.8,
	"SpacingBetweenSlices": 2.8,
	"SAR": 0.0736185,
	"TablePosition": [
		0,
		0,
		-6.1	],
	"EchoTime": 0.085378,
	"RepetitionTime": 5.51633,
	"MTState": false,
	"FlipAngle": 90,
	"CoilString": "MULTI COIL",
	"PercentPhaseFOV": 100,
	"PercentSampling": 100,
	"EchoTrainLength": 39,
	"PartialFourierDirection": "PHASE",
	"PartialFourierEnabled": "YES",
	"PhaseEncodingStepsNoPartialFourier": 78,
	"FrequencyEncodingSteps": 80,
	"PhaseEncodingStepsOutOfPlane": 1,
	"AcquisitionMatrixPE": 78,
	"ReconMatrixPE": 128,
	"ParallelReductionFactorInPlane": 2,
	"ParallelAcquisitionTechnique": "SENSE",
	"WaterFatShift": 9.01395,
	"EstimatedEffectiveEchoSpacing": 0.000159336,
	"EstimatedTotalReadoutTime": 0.0202357,
	"AcquisitionDuration": 468.888,
	"PixelBandwidth": 2678,
	"PhaseEncodingAxis": "j",
	"ImageOrientationPatientDICOM": [
		0.999267,
		0.0222971,
		0.0311162,
		-0.010885,
		0.944802,
		-0.327462	],
	"InPlanePhaseEncodingDirectionDICOM": "COL",
	"BidsGuess": ["dwi","_acq-SKSEDwiSEp20_run-1201_dwi"],
	"ConversionSoftware": "dcm2niix",
	"ConversionSoftwareVersion": "v1.0.20241211"
}
