{
	"Modality": "MR",
	"MagneticFieldStrength": 3,
	"ImagingFrequency": 127.761438,
	"Manufacturer": "Philips",
	"ManufacturersModelName": "Achieva",
	"InstitutionName": "Tsinghua University",
	"InstitutionalDepartmentName": "Center for Biomedical Imaging Research",
	"DeviceSerialNumber": "38092",
	"StationName": "PHILIPS-RTEC3L4",
	"PatientPosition": "HFS",
	"ProcedureStepDescription": "DBS-3.0T",
	"SoftwareVersions": "3.2.7\\3.2.7.1",
	"MRAcquisitionType": "3D",
	"StudyDescription": "DBS-3.0T",
	"SeriesDescription": "SNAP_cros_1mm 155",
	"ProtocolName": "WIP SNAP_cros_1mm 155 CLEAR",
	"ScanningSequence": "GR",
	"SequenceVariant": "MP",
	"ScanOptions": "FC",
	"PulseSequenceName": "T1TFE",
	"ImageType": ["ORIGINAL", "PRIMARY", "M", "FFE", "M", "FFE", "MAGNITUDE"],
	"SeriesNumber": 801,
	"AcquisitionTime": "10:00:51.040000",
	"AcquisitionNumber": 8,
	"PhilipsRescaleSlope": 11.3328,
	"PhilipsRescaleIntercept": 0,
	"PhilipsScaleSlope": 0.00215511,
	"UsePhilipsFloatNotDisplayScaling": 1,
	"SliceThickness": 0.8,
	"SpacingBetweenSlices": 0.4,
	"SAR": 0.0396028,
	"TablePosition": [
		0,
		0,
		-16.7	],
	"EchoTime": 0.005627,
	"RepetitionTime": 0.0099812,
	"MTState": false,
	"SpoilingState": true,
	"SpoilingType": "COMBINED",
	"FlipAngle": 11,
	"CoilString": "MULTI COIL",
	"PercentPhaseFOV": 100,
	"PercentSampling": 78.5398,
	"EchoTrainLength": 98,
	"PhaseEncodingSteps": 200,
	"FrequencyEncodingSteps": 200,
	"PhaseEncodingStepsOutOfPlane": 75,
	"AcquisitionMatrixPE": 200,
	"ReconMatrixPE": 400,
	"WaterFatShift": 1.36276,
	"EstimatedEffectiveEchoSpacing": 7.78323e-06,
	"EstimatedTotalReadoutTime": 0.00310551,
	"AcquisitionDuration": 307.331,
	"PixelBandwidth": 319,
	"ImageOrientationPatientDICOM": [
		0.99622,
		0.0803654,
		0.0329563,
		-0.081091,
		0.996479,
		0.0213031	],
	"InPlanePhaseEncodingDirectionDICOM": "ROW",
	"BidsGuess": ["anat","_acq-MPGRT1TFE_run-801_T1w"],
	"ConversionSoftware": "dcm2niix",
	"ConversionSoftwareVersion": "v1.0.20241211"
}
