{
    "Modality": "MR",
    "MagneticFieldStrength": 3,
    "ImagingFrequency": 127.739414,
    "Manufacturer": "Philips",
    "ManufacturersModelName": "Achieva",
    "InstitutionName": "Tsinghua University",
    "InstitutionalDepartmentName": "Center for Biomedical Imaging Research",
    "DeviceSerialNumber": "38092",
    "StationName": "PHILIPS-RTEC3L4",
    "PatientPosition": "HFS",
    "ProcedureStepDescription": "DBS-3.0T",
    "SoftwareVersions": "3.2.7\\3.2.7.1",
    "MRAcquisitionType": "3D",
    "StudyDescription": "DBS-3.0T",
    "SeriesDescription": "T1W_3D_TFE_ref CLEAR",
    "ProtocolName": "WIP T1W_3D_TFE_ref CLEAR",
    "ScanningSequence": "GR",
    "SequenceVariant": "MP",
    "ScanOptions": "OTHER",
    "PulseSequenceName": "T1TFE",
    "ImageType": [
        "ORIGINAL",
        "PRIMARY",
        "M",
        "FFE",
        "M",
        "FFE",
        "MAGNITUDE"
    ],
    "SeriesNumber": 201,
    "AcquisitionTime": "10:29:16.830000",
    "AcquisitionNumber": 2,
    "PhilipsRescaleSlope": 4.13846,
    "PhilipsRescaleIntercept": 0,
    "PhilipsScaleSlope": 0.000824394,
    "UsePhilipsFloatNotDisplayScaling": 1,
    "SliceThickness": 2,
    "SpacingBetweenSlices": 1,
    "SAR": 0.0172243,
    "TablePosition": [
        0,
        0,
        -0.1
    ],
    "EchoTime": 0.00371,
    "RepetitionTime": 0.0075491,
    "MTState": false,
    "SpoilingState": true,
    "SpoilingType": "COMBINED",
    "FlipAngle": 8,
    "CoilString": "MULTI COIL",
    "PercentPhaseFOV": 100,
    "PercentSampling": 100,
    "EchoTrainLength": 256,
    "PhaseEncodingSteps": 256,
    "FrequencyEncodingSteps": 256,
    "PhaseEncodingStepsOutOfPlane": 90,
    "AcquisitionMatrixPE": 256,
    "ReconMatrixPE": 256,
    "WaterFatShift": 2.26816,
    "EstimatedEffectiveEchoSpacing": 2.04003e-05,
    "EstimatedTotalReadoutTime": 0.00520208,
    "AcquisitionDuration": 253.976,
    "PixelBandwidth": 191,
    "ImageOrientationPatientDICOM": [
        0.000524697,
        0.999944,
        0.0105928,
        -0.038351,
        0.0106051,
        -0.999208
    ],
    "InPlanePhaseEncodingDirectionDICOM": "ROW",
    "BidsGuess": [
        "anat",
        "_acq-MPGRT1TFE_run-201_T1w"
    ],
    "ConversionSoftware": "dcm2niix",
    "ConversionSoftwareVersion": "v1.0.20241211",
    "Dcm2bidsVersion": "3.2.0"
}