{
    "Modality": "MR",
    "MagneticFieldStrength": 3,
    "ImagingFrequency": 127.739348,
    "Manufacturer": "Philips",
    "ManufacturersModelName": "Achieva",
    "InstitutionName": "Tsinghua University",
    "InstitutionalDepartmentName": "Center for Biomedical Imaging Research",
    "DeviceSerialNumber": "38092",
    "StationName": "PHILIPS-RTEC3L4",
    "PatientPosition": "HFS",
    "ProcedureStepDescription": "DBS-3.0T",
    "SoftwareVersions": "3.2.7\\3.2.7.1",
    "MRAcquisitionType": "3D",
    "StudyDescription": "DBS-3.0T",
    "SeriesDescription": "T2WI 3D FLAIR 1MM",
    "ProtocolName": "WIP T2WI 3D FLAIR 1MM SENSE",
    "ScanningSequence": "IR",
    "SequenceVariant": "SK",
    "ScanOptions": "FS",
    "PulseSequenceName": "TIR",
    "ImageType": [
        "ORIGINAL",
        "PRIMARY",
        "M",
        "IR",
        "M",
        "IR",
        "MAGNITUDE"
    ],
    "SeriesNumber": 301,
    "AcquisitionTime": "08:59:44.360000",
    "AcquisitionNumber": 3,
    "PhilipsRescaleSlope": 17.653,
    "PhilipsRescaleIntercept": 0,
    "PhilipsScaleSlope": 0.000247998,
    "UsePhilipsFloatNotDisplayScaling": 1,
    "SliceThickness": 1.5,
    "SpacingBetweenSlices": 1.5,
    "SAR": 0.0317518,
    "TablePosition": [
        0,
        0,
        -0.5
    ],
    "EchoTime": 0.337892,
    "RepetitionTime": 5,
    "MTState": false,
    "InversionTime": 1.65,
    "FlipAngle": 90,
    "CoilString": "MULTI COIL",
    "PercentPhaseFOV": 115.873,
    "PercentSampling": 78.0019,
    "EchoTrainLength": 182,
    "PhaseEncodingSteps": 291,
    "FrequencyEncodingSteps": 292,
    "PhaseEncodingStepsOutOfPlane": 120,
    "AcquisitionMatrixPE": 291,
    "ReconMatrixPE": 384,
    "ParallelReductionFactorInPlane": 1.4,
    "ParallelAcquisitionTechnique": "SENSE",
    "ParallelReductionFactorOutOfPlane": 1.4,
    "WaterFatShift": 0.42528,
    "EstimatedEffectiveEchoSpacing": 2.54269e-06,
    "EstimatedTotalReadoutTime": 0.000973849,
    "AcquisitionDuration": 390,
    "PixelBandwidth": 1021,
    "ImageOrientationPatientDICOM": [
        -0.00359401,
        0.999745,
        0.0222714,
        0.0270427,
        0.0223606,
        -0.999384
    ],
    "InPlanePhaseEncodingDirectionDICOM": "ROW",
    "BidsGuess": [
        "anat",
        "_acq-SKIRTIRp14_run-301_FLAIR"
    ],
    "ConversionSoftware": "dcm2niix",
    "ConversionSoftwareVersion": "v1.0.20241211",
    "Dcm2bidsVersion": "3.2.0"
}