{
	"Modality": "CT",
	"Manufacturer": "UIH",
	"ManufacturersModelName": "uCT 760",
	"DeviceSerialNumber": "600025",
	"BodyPart": "HEAD",
	"PatientPosition": "HFS",
	"SoftwareVersions": "CT 002.001",
	"SeriesDescription": "0.625 x 0.625",
	"ProtocolName": "Head Helical",
	"ImageType": ["ORIGINAL", "PRIMARY", "AXIAL", "HELICAL"],
	"SeriesNumber": 202,
	"AcquisitionTime": "17:48:44.341000",
	"AcquisitionNumber": 2,
	"ConvolutionKernel": "H_SOFT_B",
	"ExposureTime": 1.28,
	"XRayExposure": 332,
	"ImageOrientationPatientDICOM": [
		1,
		0,
		0,
		0,
		1,
		0	],
	"BidsGuess": ["CT","CT"],
	"ConversionSoftware": "dcm2niix",
	"ConversionSoftwareVersion": "v1.0.20241211"
}
