{
	"Modality": "MR",
	"MagneticFieldStrength": 3,
	"ImagingFrequency": 127.762559,
	"Manufacturer": "Philips",
	"ManufacturersModelName": "Achieva",
	"InstitutionName": "Tsinghua University",
	"InstitutionalDepartmentName": "Center for Biomedical Imaging Research",
	"DeviceSerialNumber": "38092",
	"StationName": "PHILIPS-RTEC3L4",
	"PatientPosition": "HFS",
	"ProcedureStepDescription": "DBS-3.0T",
	"SoftwareVersions": "3.2.7\\3.2.7.1",
	"MRAcquisitionType": "3D",
	"StudyDescription": "DBS-3.0T",
	"SeriesDescription": "T2WI 3D FLAIR 1MM",
	"ProtocolName": "WIP T2WI 3D FLAIR 1MM SENSE",
	"ScanningSequence": "IR",
	"SequenceVariant": "SK",
	"ScanOptions": "FS",
	"PulseSequenceName": "TIR",
	"ImageType": ["ORIGINAL", "PRIMARY", "M", "IR", "M", "IR", "MAGNITUDE"],
	"SeriesNumber": 601,
	"AcquisitionTime": "09:17:58.770000",
	"AcquisitionNumber": 6,
	"PhilipsRescaleSlope": 20.601,
	"PhilipsRescaleIntercept": 0,
	"PhilipsScaleSlope": 0.000266933,
	"UsePhilipsFloatNotDisplayScaling": 1,
	"SliceThickness": 1.5,
	"SpacingBetweenSlices": 1.5,
	"SAR": 0.0317521,
	"TablePosition": [
		0,
		0,
		-12.1	],
	"EchoTime": 0.34145,
	"RepetitionTime": 5,
	"MTState": false,
	"InversionTime": 1.65,
	"FlipAngle": 90,
	"CoilString": "MULTI COIL",
	"PercentPhaseFOV": 115.873,
	"PercentSampling": 78.0019,
	"EchoTrainLength": 182,
	"PhaseEncodingSteps": 291,
	"FrequencyEncodingSteps": 292,
	"PhaseEncodingStepsOutOfPlane": 120,
	"AcquisitionMatrixPE": 291,
	"ReconMatrixPE": 384,
	"ParallelReductionFactorInPlane": 1.4,
	"ParallelAcquisitionTechnique": "SENSE",
	"ParallelReductionFactorOutOfPlane": 1.4,
	"WaterFatShift": 0.437868,
	"EstimatedEffectiveEchoSpacing": 2.61747e-06,
	"EstimatedTotalReadoutTime": 0.00100249,
	"AcquisitionDuration": 390,
	"PixelBandwidth": 992,
	"ImageOrientationPatientDICOM": [
		-0.00378114,
		0.999992,
		0.000852975,
		0.00655578,
		0.000877751,
		-0.999978	],
	"InPlanePhaseEncodingDirectionDICOM": "ROW",
	"BidsGuess": ["anat","_acq-SKIRTIRp14_run-601_FLAIR"],
	"ConversionSoftware": "dcm2niix",
	"ConversionSoftwareVersion": "v1.0.20241211"
}
