{
	"Modality": "MR",
	"MagneticFieldStrength": 3,
	"ImagingFrequency": 127.761393,
	"Manufacturer": "Philips",
	"ManufacturersModelName": "Achieva",
	"InstitutionName": "Tsinghua University",
	"InstitutionalDepartmentName": "Center for Biomedical Imaging Research",
	"DeviceSerialNumber": "38092",
	"StationName": "PHILIPS-RTEC3L4",
	"PatientPosition": "HFS",
	"ProcedureStepDescription": "DBS-3.0T",
	"SoftwareVersions": "3.2.7\\3.2.7.1",
	"MRAcquisitionType": "2D",
	"StudyDescription": "DBS-3.0T",
	"SeriesDescription": "iso_NODDI",
	"ProtocolName": "WIP iso_NODDI SENSE",
	"ScanningSequence": "SE",
	"SequenceVariant": "SK",
	"ScanOptions": "FS",
	"PulseSequenceName": "DwiSE",
	"ImageType": ["ORIGINAL", "PRIMARY", "M", "SE", "M", "SE", "MAGNITUDE"],
	"SeriesNumber": 1001,
	"AcquisitionTime": "09:59:36.440000",
	"AcquisitionNumber": 10,
	"PhilipsRescaleSlope": 3.7199,
	"PhilipsRescaleIntercept": 0,
	"PhilipsScaleSlope": 0.00183426,
	"UsePhilipsFloatNotDisplayScaling": 1,
	"SliceThickness": 2.8,
	"SpacingBetweenSlices": 2.8,
	"SAR": 0.0736303,
	"TablePosition": [
		0,
		0,
		0.1	],
	"EchoTime": 0.085378,
	"RepetitionTime": 5.51385,
	"MTState": false,
	"FlipAngle": 90,
	"CoilString": "MULTI COIL",
	"PercentPhaseFOV": 100,
	"PercentSampling": 100,
	"EchoTrainLength": 39,
	"PartialFourierDirection": "PHASE",
	"PartialFourierEnabled": "YES",
	"PhaseEncodingStepsNoPartialFourier": 78,
	"FrequencyEncodingSteps": 80,
	"PhaseEncodingStepsOutOfPlane": 1,
	"AcquisitionMatrixPE": 78,
	"ReconMatrixPE": 128,
	"ParallelReductionFactorInPlane": 2,
	"ParallelAcquisitionTechnique": "SENSE",
	"WaterFatShift": 9.061,
	"EstimatedEffectiveEchoSpacing": 0.00016014,
	"EstimatedTotalReadoutTime": 0.0203377,
	"AcquisitionDuration": 468.677,
	"PixelBandwidth": 2616,
	"PhaseEncodingAxis": "j",
	"ImageOrientationPatientDICOM": [
		0.997647,
		-0.00438736,
		0.0684168,
		0.00589548,
		0.999744,
		-0.0218568	],
	"InPlanePhaseEncodingDirectionDICOM": "COL",
	"BidsGuess": ["dwi","_acq-SKSEDwiSEp20_run-1001_dwi"],
	"ConversionSoftware": "dcm2niix",
	"ConversionSoftwareVersion": "v1.0.20241211"
}
