{
	"Modality": "MR",
	"MagneticFieldStrength": 3,
	"ImagingFrequency": 127.737926,
	"Manufacturer": "Philips",
	"ManufacturersModelName": "Achieva",
	"InstitutionName": "Tsinghua University",
	"InstitutionalDepartmentName": "Center for Biomedical Imaging Research",
	"DeviceSerialNumber": "38092",
	"StationName": "PHILIPS-RTEC3L4",
	"PatientPosition": "HFS",
	"ProcedureStepDescription": "DBS-3.0T",
	"SoftwareVersions": "3.2.7\\3.2.7.1",
	"MRAcquisitionType": "2D",
	"StudyDescription": "DBS-3.0T",
	"SeriesDescription": "iso_NODDI",
	"ProtocolName": "WIP iso_NODDI SENSE",
	"ScanningSequence": "SE",
	"SequenceVariant": "SK",
	"ScanOptions": "FS",
	"PulseSequenceName": "DwiSE",
	"ImageType": ["ORIGINAL", "PRIMARY", "M", "SE", "M", "SE", "MAGNITUDE"],
	"SeriesNumber": 801,
	"AcquisitionTime": "13:30:21.190000",
	"AcquisitionNumber": 8,
	"PhilipsRescaleSlope": 3.5602,
	"PhilipsRescaleIntercept": 0,
	"PhilipsScaleSlope": 0.00186477,
	"UsePhilipsFloatNotDisplayScaling": 1,
	"SliceThickness": 2.8,
	"SpacingBetweenSlices": 2.8,
	"SAR": 0.0736625,
	"TablePosition": [
		0,
		0,
		-5.8	],
	"EchoTime": 0.085378,
	"RepetitionTime": 5.51188,
	"MTState": false,
	"FlipAngle": 90,
	"CoilString": "MULTI COIL",
	"PercentPhaseFOV": 100,
	"PercentSampling": 100,
	"EchoTrainLength": 39,
	"PartialFourierDirection": "PHASE",
	"PartialFourierEnabled": "YES",
	"PhaseEncodingStepsNoPartialFourier": 78,
	"FrequencyEncodingSteps": 80,
	"PhaseEncodingStepsOutOfPlane": 1,
	"AcquisitionMatrixPE": 78,
	"ReconMatrixPE": 128,
	"ParallelReductionFactorInPlane": 2,
	"ParallelAcquisitionTechnique": "SENSE",
	"WaterFatShift": 9.00345,
	"EstimatedEffectiveEchoSpacing": 0.000159152,
	"EstimatedTotalReadoutTime": 0.0202123,
	"AcquisitionDuration": 468.51,
	"PixelBandwidth": 2676,
	"PhaseEncodingAxis": "j",
	"ImageOrientationPatientDICOM": [
		0.9953,
		0.00824174,
		0.0964888,
		-0.00513913,
		0.999463,
		-0.0323596	],
	"InPlanePhaseEncodingDirectionDICOM": "COL",
	"BidsGuess": ["dwi","_acq-SKSEDwiSEp20_run-801_dwi"],
	"ConversionSoftware": "dcm2niix",
	"ConversionSoftwareVersion": "v1.0.20241211"
}
