{
	"Modality": "MR",
	"MagneticFieldStrength": 3,
	"ImagingFrequency": 127.761118,
	"Manufacturer": "Philips",
	"ManufacturersModelName": "Achieva",
	"InstitutionName": "Tsinghua University",
	"InstitutionalDepartmentName": "Center for Biomedical Imaging Research",
	"DeviceSerialNumber": "38092",
	"StationName": "PHILIPS-RTEC3L4",
	"PatientPosition": "HFS",
	"ProcedureStepDescription": "DBS_3.0T",
	"SoftwareVersions": "3.2.7\\3.2.7.1",
	"MRAcquisitionType": "3D",
	"StudyDescription": "DBS_3.0T",
	"SeriesDescription": "T1W_3D_TFE_ref CLEAR",
	"ProtocolName": "WIP T1W_3D_TFE_ref CLEAR",
	"ScanningSequence": "GR",
	"SequenceVariant": "MP",
	"ScanOptions": "OTHER",
	"PulseSequenceName": "T1TFE",
	"ImageType": ["ORIGINAL", "PRIMARY", "M", "FFE", "M", "FFE", "MAGNITUDE"],
	"SeriesNumber": 201,
	"AcquisitionTime": "08:35:5.320000",
	"AcquisitionNumber": 2,
	"PhilipsRescaleSlope": 4.95726,
	"PhilipsRescaleIntercept": 0,
	"PhilipsScaleSlope": 0.000865833,
	"UsePhilipsFloatNotDisplayScaling": 1,
	"SliceThickness": 2,
	"SpacingBetweenSlices": 1,
	"SAR": 0.216188,
	"TablePosition": [
		0,
		0,
		18.9	],
	"EchoTime": 0.003727,
	"RepetitionTime": 0.0076215,
	"MTState": false,
	"SpoilingState": true,
	"SpoilingType": "COMBINED",
	"FlipAngle": 8,
	"CoilString": "MULTI COIL",
	"PercentPhaseFOV": 100,
	"PercentSampling": 100,
	"EchoTrainLength": 256,
	"PhaseEncodingSteps": 256,
	"FrequencyEncodingSteps": 256,
	"PhaseEncodingStepsOutOfPlane": 90,
	"AcquisitionMatrixPE": 256,
	"ReconMatrixPE": 256,
	"WaterFatShift": 2.26855,
	"EstimatedEffectiveEchoSpacing": 2.04003e-05,
	"EstimatedTotalReadoutTime": 0.00520208,
	"AcquisitionDuration": 253.995,
	"PixelBandwidth": 191,
	"ImageOrientationPatientDICOM": [
		0.0525982,
		0.99856,
		0.0105863,
		0.0722011,
		0.00677052,
		-0.997367	],
	"InPlanePhaseEncodingDirectionDICOM": "ROW",
	"BidsGuess": ["anat","_acq-MPGRT1TFE_run-201_T1w"],
	"ConversionSoftware": "dcm2niix",
	"ConversionSoftwareVersion": "v1.0.20241211"
}
