{
	"Modality": "CT",
	"Manufacturer": "GE",
	"ManufacturersModelName": "Discovery CT750 HD",
	"InstitutionName": "Beijing Tiantan Hospital",
	"DeviceSerialNumber": "*",
	"StationName": "cttbay99",
	"PatientPosition": "HFS",
	"SoftwareVersions": "gmp_hde.74",
	"SeriesDescription": "Recon 4: 2.5/5mm",
	"ProtocolName": "1.8 ALL",
	"ScanOptions": "AXIAL MODE",
	"ImageType": ["ORIGINAL", "PRIMARY", "AXIAL"],
	"SeriesNumber": 5,
	"AcquisitionTime": "19:25:45.569900",
	"AcquisitionNumber": 1,
	"ConvolutionKernel": "BONEPLUS",
	"ExposureTime": 1,
	"XRayTubeCurrent": 250,
	"XRayExposure": 7,
	"ImageOrientationPatientDICOM": [
		1,
		0,
		0,
		0,
		1,
		0	],
	"BidsGuess": ["CT","CT"],
	"ConversionSoftware": "dcm2niix",
	"ConversionSoftwareVersion": "v1.0.20241211"
}
